{
  "bids_meta": {
    "AcquisitionDateTime": "20110714170624",
    "CardiacTriggerDelayTimes": 0,
    "ConversionSoftware": "dicm2nii.m 20190112",
    "EchoTime": 0.00379,
    "EchoTimes": 0.00379,
    "FlipAngle": 8,
    "ImageType": [
      "PhilipsPAR",
      "ImageMRSERIES",
      "T1TFE"
    ],
    "MRAcquisitionType": "3D",
    "Manufacturer": "Philips",
    "PatientPosition": "HFS",
    "PhaseEncodingDirection": "j-",
    "RepetitionTime": 0.008203,
    "ScanningSequence": "T1TFE",
    "SeriesNumber": 4,
    "SliceThickness": 1,
    "SoftwareVersion": "V4.2\\PAR",
    "dataset": "ds003550",
    "modality": "T1w",
    "subject_id": "sc017"
  },
  "cjv": 0.37956570799962197,
  "cnr": 3.5560191881140657,
  "efc": 0.7651227936211257,
  "fber": -1.0,
  "fwhm_avg": 4.678016666666667,
  "fwhm_x": 4.60774,
  "fwhm_y": 5.04626,
  "fwhm_z": 4.38005,
  "icvs_csf": 0.17600957678235643,
  "icvs_gm": 0.4336276529447392,
  "icvs_wm": 0.39036277027290434,
  "inu_med": 0.3369422107934952,
  "inu_range": 0.13645880669355392,
  "provenance": {
    "md5sum": "da946efe94d668593e16e7198cf57505",
    "settings": {
      "testing": false
    },
    "software": "mriqc",
    "version": "22.0.6",
    "warnings": {
      "large_rot_frame": true,
      "small_air_mask": true
    },
    "webapi_port": null,
    "webapi_url": "https://mriqc.nimh.nih.gov/api/v1"
  },
  "qi_1": 0.0016676259528118757,
  "qi_2": 1.6814446912502267e-05,
  "rpve_csf": 19.96160570199032,
  "rpve_gm": 8.809053043867118,
  "rpve_wm": 11.350878171661586,
  "size_x": 160,
  "size_y": 256,
  "size_z": 256,
  "snr_csf": 2.6653550425669694,
  "snr_gm": 15.678326572055557,
  "snr_total": 16.211090536780073,
  "snr_wm": 30.289589995717694,
  "snrd_csf": 106.73438730174185,
  "snrd_gm": 257.96837744434407,
  "snrd_total": 230.919146449225,
  "snrd_wm": 328.05467460158906,
  "spacing_x": 1.0,
  "spacing_y": 1.0,
  "spacing_z": 1.0,
  "summary_bg_k": 45.342178205082874,
  "summary_bg_mad": 0.0,
  "summary_bg_mean": 0.42572807865530987,
  "summary_bg_median": 0.0,
  "summary_bg_n": 236468.0,
  "summary_bg_p05": 0.0,
  "summary_bg_p95": 4.458314627408981,
  "summary_bg_stdv": 1.9970809878051068,
  "summary_csf_k": 0.8754387768211704,
  "summary_csf_mad": 81.94545425914794,
  "summary_csf_mean": 325.21319007654665,
  "summary_csf_median": 325.36310854554176,
  "summary_csf_n": 32734.0,
  "summary_csf_p05": 76.98688093051315,
  "summary_csf_p95": 536.1252395935355,
  "summary_csf_stdv": 122.06934292346219,
  "summary_gm_k": 0.09676101878135324,
  "summary_gm_mad": 49.678670635560714,
  "summary_gm_mean": 785.4841339134983,
  "summary_gm_median": 786.3763058334589,
  "summary_gm_n": 41813.0,
  "summary_gm_p05": 702.9495067477226,
  "summary_gm_p95": 866.7526791214943,
  "summary_gm_stdv": 50.156303268246354,
  "summary_wm_k": 0.5841748118603269,
  "summary_wm_mad": 31.41445349013398,
  "summary_wm_mean": 1001.3177489754833,
  "summary_wm_median": 1000.023435741663,
  "summary_wm_n": 283633.0,
  "summary_wm_p05": 949.7852693349123,
  "summary_wm_p95": 1057.9111314564943,
  "summary_wm_stdv": 33.0153585109194,
  "tpm_overlap_csf": 0.14782452672638124,
  "tpm_overlap_gm": 0.4412163628532764,
  "tpm_overlap_wm": 0.48431523356353967,
  "wm2max": 0.8143599998016523
}