{
  "bids_meta": {
    "AcquisitionDateTime": "20110722101451",
    "CardiacTriggerDelayTimes": 0,
    "ConversionSoftware": "dicm2nii.m 20190112",
    "EchoTime": 0.00381,
    "EchoTimes": 0.00381,
    "FlipAngle": 8,
    "ImageType": [
      "PhilipsPAR",
      "ImageMRSERIES",
      "T1TFE"
    ],
    "MRAcquisitionType": "3D",
    "Manufacturer": "Philips",
    "PatientPosition": "HFS",
    "PhaseEncodingDirection": "j-",
    "RepetitionTime": 0.008283,
    "ScanningSequence": "T1TFE",
    "SeriesNumber": 3,
    "SliceThickness": 1,
    "SoftwareVersion": "V4.2\\PAR",
    "dataset": "ds003550",
    "modality": "T1w",
    "subject_id": "sc024"
  },
  "cjv": 0.34054019325128676,
  "cnr": 3.9902477964626493,
  "efc": 0.7350906622270359,
  "fber": -1.0,
  "fwhm_avg": 4.6275933333333334,
  "fwhm_x": 4.47067,
  "fwhm_y": 5.03652,
  "fwhm_z": 4.37559,
  "icvs_csf": 0.2106694465636933,
  "icvs_gm": 0.4350336252323221,
  "icvs_wm": 0.3542969282039846,
  "inu_med": 0.3709280788898468,
  "inu_range": 0.1285381287336349,
  "provenance": {
    "md5sum": "29e66d4813703150f4d586615974fac3",
    "settings": {
      "testing": false
    },
    "software": "mriqc",
    "version": "22.0.6",
    "warnings": {
      "large_rot_frame": true,
      "small_air_mask": false
    },
    "webapi_port": null,
    "webapi_url": "https://mriqc.nimh.nih.gov/api/v1"
  },
  "qi_1": 0.00244174582263254,
  "qi_2": 9.903097058907987e-06,
  "rpve_csf": 20.43872166042631,
  "rpve_gm": 10.301780159936712,
  "rpve_wm": 14.654974938243944,
  "size_x": 160,
  "size_y": 256,
  "size_z": 256,
  "snr_csf": 3.1080252359710427,
  "snr_gm": 14.37220573669818,
  "snr_total": 16.937020199556084,
  "snr_wm": 33.33082962599902,
  "snrd_csf": 81.7721674386009,
  "snrd_gm": 190.89130830592703,
  "snrd_total": 174.86303473662406,
  "snrd_wm": 251.92562846534423,
  "spacing_x": 1.0,
  "spacing_y": 1.0,
  "spacing_z": 1.0,
  "summary_bg_k": 44.98975741332304,
  "summary_bg_mad": 0.0,
  "summary_bg_mean": 0.6476295096541063,
  "summary_bg_median": 0.0,
  "summary_bg_n": 325768.0,
  "summary_bg_p05": 0.0,
  "summary_bg_p95": 4.724478125572205,
  "summary_bg_stdv": 2.600571771639032,
  "summary_csf_k": 1.3435398774661058,
  "summary_csf_mad": 75.95225658225313,
  "summary_csf_mean": 328.5228803551636,
  "summary_csf_median": 324.5955961942673,
  "summary_csf_n": 41030.0,
  "summary_csf_p05": 133.92153742909434,
  "summary_csf_p95": 511.7796372473239,
  "summary_csf_stdv": 104.43661680250335,
  "summary_gm_k": -0.019627975113090113,
  "summary_gm_mad": 52.87284159869555,
  "summary_gm_mean": 757.559301669054,
  "summary_gm_median": 757.7453303337097,
  "summary_gm_n": 38341.0,
  "summary_gm_p05": 669.8743915557861,
  "summary_gm_p95": 843.3737748861313,
  "summary_gm_stdv": 52.722279550734,
  "summary_wm_k": 0.1494685149425572,
  "summary_wm_mad": 29.63203210476344,
  "summary_wm_mean": 999.4529750206216,
  "summary_wm_median": 1000.0217938423157,
  "summary_wm_n": 214315.0,
  "summary_wm_p05": 949.402385354042,
  "summary_wm_p95": 1047.4842929840088,
  "summary_wm_stdv": 30.002837372947248,
  "tpm_overlap_csf": 0.1492714107445653,
  "tpm_overlap_gm": 0.45944397818021154,
  "tpm_overlap_wm": 0.4950179142940262,
  "wm2max": 0.7839948372270633
}