{
  "bids_meta": {
    "AcquisitionDateTime": "20110713181920",
    "CardiacTriggerDelayTimes": 0,
    "ConversionSoftware": "dicm2nii.m 20190112",
    "EchoTime": 0.00379,
    "EchoTimes": 0.00379,
    "FlipAngle": 8,
    "ImageType": [
      "PhilipsPAR",
      "ImageMRSERIES",
      "T1TFE"
    ],
    "MRAcquisitionType": "3D",
    "Manufacturer": "Philips",
    "PatientPosition": "HFS",
    "PhaseEncodingDirection": "j-",
    "RepetitionTime": 0.008211,
    "ScanningSequence": "T1TFE",
    "SeriesNumber": 3,
    "SliceThickness": 1,
    "SoftwareVersion": "V4.2\\PAR",
    "dataset": "ds003550",
    "modality": "T1w",
    "subject_id": "sc015"
  },
  "cjv": 0.3675059722743506,
  "cnr": 3.679690316114909,
  "efc": 0.7103149012750525,
  "fber": -1.0,
  "fwhm_avg": 4.872186666666667,
  "fwhm_x": 4.71587,
  "fwhm_y": 5.34654,
  "fwhm_z": 4.55415,
  "icvs_csf": 0.20536953087624574,
  "icvs_gm": 0.4252973465555754,
  "icvs_wm": 0.3693331225681789,
  "inu_med": 0.33251363039016724,
  "inu_range": 0.10519222617149343,
  "provenance": {
    "md5sum": "a99be0274e951e42d962165c2297f813",
    "settings": {
      "testing": false
    },
    "software": "mriqc",
    "version": "22.0.6",
    "warnings": {
      "large_rot_frame": true,
      "small_air_mask": false
    },
    "webapi_port": null,
    "webapi_url": "https://mriqc.nimh.nih.gov/api/v1"
  },
  "qi_1": 0.0015482157377083286,
  "qi_2": 7.282016679491748e-06,
  "rpve_csf": 25.789951524419667,
  "rpve_gm": 12.820344810928715,
  "rpve_wm": 16.915703515751275,
  "size_x": 160,
  "size_y": 256,
  "size_z": 256,
  "snr_csf": 2.463394708565704,
  "snr_gm": 14.346660151443464,
  "snr_total": 16.228201117155564,
  "snr_wm": 31.874548491457524,
  "snrd_csf": 66.44355183421804,
  "snrd_gm": 171.26272778245334,
  "snrd_total": 153.29743825901656,
  "snrd_wm": 222.1860351603783,
  "spacing_x": 1.0,
  "spacing_y": 1.0,
  "spacing_z": 1.0,
  "summary_bg_k": 39.877185922084976,
  "summary_bg_mad": 0.0,
  "summary_bg_mean": 0.8383896220619637,
  "summary_bg_median": 0.0,
  "summary_bg_n": 346432.0,
  "summary_bg_p05": 0.0,
  "summary_bg_p95": 4.734528422355652,
  "summary_bg_stdv": 2.94871871370734,
  "summary_csf_k": 0.23431896896673443,
  "summary_csf_mad": 102.31434798422306,
  "summary_csf_mean": 293.32065823717545,
  "summary_csf_median": 299.05733324959874,
  "summary_csf_n": 37927.0,
  "summary_csf_p05": 56.67272794134915,
  "summary_csf_p95": 488.2778343580662,
  "summary_csf_stdv": 121.39889301743165,
  "summary_gm_k": -0.004133880040972926,
  "summary_gm_mad": 53.523095362037665,
  "summary_gm_mean": 771.8988271292276,
  "summary_gm_median": 770.8404087647796,
  "summary_gm_n": 42497.0,
  "summary_gm_p05": 684.9848085343838,
  "summary_gm_p95": 862.5338516302406,
  "summary_gm_stdv": 53.72897463407115,
  "summary_wm_k": 0.2673692271018835,
  "summary_wm_mad": 30.709972748710136,
  "summary_wm_mean": 1000.0422165727913,
  "summary_wm_median": 1000.0423114970326,
  "summary_wm_n": 199285.0,
  "summary_wm_p05": 948.5754511915147,
  "summary_wm_p95": 1051.0864460505545,
  "summary_wm_stdv": 31.37424213824313,
  "tpm_overlap_csf": 0.13000341235241644,
  "tpm_overlap_gm": 0.46760177694959043,
  "tpm_overlap_wm": 0.5145898230461479,
  "wm2max": 0.8338996621343914
}