{
  "bids_meta": {
    "AcquisitionDateTime": "20110719140503",
    "CardiacTriggerDelayTimes": 0,
    "ConversionSoftware": "dicm2nii.m 20190112",
    "EchoTime": 0.00378,
    "EchoTimes": 0.00378,
    "FlipAngle": 8,
    "ImageType": [
      "PhilipsPAR",
      "ImageMRSERIES",
      "T1TFE"
    ],
    "MRAcquisitionType": "3D",
    "Manufacturer": "Philips",
    "PatientPosition": "HFS",
    "PhaseEncodingDirection": "j-",
    "RepetitionTime": 0.008203,
    "ScanningSequence": "T1TFE",
    "SeriesNumber": 4,
    "SliceThickness": 1,
    "SoftwareVersion": "V4.2\\PAR",
    "dataset": "ds003550",
    "modality": "T1w",
    "subject_id": "sc022"
  },
  "cjv": 0.34558434572926505,
  "cnr": 3.9299888682173956,
  "efc": 0.7438268912431937,
  "fber": -1.0,
  "fwhm_avg": 4.657166666666667,
  "fwhm_x": 4.53221,
  "fwhm_y": 5.00353,
  "fwhm_z": 4.43576,
  "icvs_csf": 0.17249529711977432,
  "icvs_gm": 0.44862572147896534,
  "icvs_wm": 0.3788789814012603,
  "inu_med": 0.3377605080604553,
  "inu_range": 0.12499795854091644,
  "provenance": {
    "md5sum": "829707b99a4ca2dfed4cc0c0490bad14",
    "settings": {
      "testing": false
    },
    "software": "mriqc",
    "version": "22.0.6",
    "warnings": {
      "large_rot_frame": true,
      "small_air_mask": false
    },
    "webapi_port": null,
    "webapi_url": "https://mriqc.nimh.nih.gov/api/v1"
  },
  "qi_1": 0.003135689851767389,
  "qi_2": 2.6443401627596226e-05,
  "rpve_csf": 23.208227740795603,
  "rpve_gm": 9.904435292908392,
  "rpve_wm": 13.376286457126676,
  "size_x": 160,
  "size_y": 256,
  "size_z": 256,
  "snr_csf": 2.581778412663567,
  "snr_gm": 15.740799359645093,
  "snr_total": 16.40819088079761,
  "snr_wm": 30.90199487008416,
  "snrd_csf": 52.09827974074335,
  "snrd_gm": 120.18405209526148,
  "snrd_total": 109.51622428464408,
  "snrd_wm": 156.26634101792743,
  "spacing_x": 1.0,
  "spacing_y": 1.0,
  "spacing_z": 1.0,
  "summary_bg_k": 18.051208854163335,
  "summary_bg_mad": 0.0,
  "summary_bg_mean": 1.6042079028859428,
  "summary_bg_median": 0.0,
  "summary_bg_n": 305564.0,
  "summary_bg_p05": 0.0,
  "summary_bg_p95": 9.802804365754128,
  "summary_bg_stdv": 4.1926257880155875,
  "summary_csf_k": 0.2617898599252575,
  "summary_csf_mad": 101.7694157098444,
  "summary_csf_mean": 320.6607689777604,
  "summary_csf_median": 333.40933453291655,
  "summary_csf_n": 26514.0,
  "summary_csf_p05": 70.96774416416883,
  "summary_csf_p95": 521.8739477694035,
  "summary_csf_stdv": 129.13697218080057,
  "summary_gm_k": 0.03868870511935496,
  "summary_gm_mad": 48.77225734616587,
  "summary_gm_mean": 769.4341011831259,
  "summary_gm_median": 769.1325899809599,
  "summary_gm_n": 50224.0,
  "summary_gm_p05": 690.6189661771059,
  "summary_gm_p95": 851.0885939225554,
  "summary_gm_stdv": 48.861872599191,
  "summary_wm_k": 0.504539005301726,
  "summary_wm_mad": 31.027673072612803,
  "summary_wm_mean": 1000.8574238157408,
  "summary_wm_median": 1000.0456258431077,
  "summary_wm_n": 245793.0,
  "summary_wm_p05": 949.709365285933,
  "summary_wm_p95": 1055.3972746804357,
  "summary_wm_stdv": 32.36178103454084,
  "tpm_overlap_csf": 0.1437830013226546,
  "tpm_overlap_gm": 0.4565511841481807,
  "tpm_overlap_wm": 0.49227406198833007,
  "wm2max": 0.8681721025965801
}