{
  "bids_meta": {
    "AcquisitionDateTime": "20110415160057",
    "CardiacTriggerDelayTimes": 0,
    "ConversionSoftware": "dicm2nii.m 20190112",
    "EchoTime": 0.00372,
    "EchoTimes": 0.00372,
    "FlipAngle": 8,
    "ImageType": [
      "PhilipsPAR",
      "ImageMRSERIES",
      "T1TFE"
    ],
    "MRAcquisitionType": "3D",
    "Manufacturer": "Philips",
    "PatientPosition": "HFS",
    "PhaseEncodingDirection": "j-",
    "RepetitionTime": 0.008126,
    "ScanningSequence": "T1TFE",
    "SeriesNumber": 3,
    "SliceThickness": 1,
    "SoftwareVersion": "V4.2\\PAR",
    "dataset": "ds003550",
    "modality": "T1w",
    "subject_id": "sc006"
  },
  "cjv": 0.3142376685000943,
  "cnr": 4.392013868823588,
  "efc": 0.7510889605483914,
  "fber": -1.0,
  "fwhm_avg": 4.587673333333334,
  "fwhm_x": 4.48242,
  "fwhm_y": 4.96625,
  "fwhm_z": 4.31435,
  "icvs_csf": 0.18267426778886484,
  "icvs_gm": 0.4788437580700785,
  "icvs_wm": 0.3384819741410567,
  "inu_med": 0.41025224328041077,
  "inu_range": 0.1557436317205429,
  "provenance": {
    "md5sum": "3b0e0c75939c26236b68d0675d5987d0",
    "settings": {
      "testing": false
    },
    "software": "mriqc",
    "version": "22.0.6",
    "warnings": {
      "large_rot_frame": true,
      "small_air_mask": true
    },
    "webapi_port": null,
    "webapi_url": "https://mriqc.nimh.nih.gov/api/v1"
  },
  "qi_1": 0.0019934009866723413,
  "qi_2": 1.9886501838202317e-05,
  "rpve_csf": 26.000584132563144,
  "rpve_gm": 11.090789700979924,
  "rpve_wm": 16.997456647021156,
  "size_x": 160,
  "size_y": 256,
  "size_z": 256,
  "snr_csf": 2.9144744049671365,
  "snr_gm": 17.089921801592677,
  "snr_total": 16.436146326651222,
  "snr_wm": 29.304042773393853,
  "snrd_csf": 52.87736578729667,
  "snrd_gm": 120.70549699257815,
  "snrd_total": 111.20146551489391,
  "snrd_wm": 160.02153376480692,
  "spacing_x": 1.0,
  "spacing_y": 1.0,
  "spacing_z": 1.0,
  "summary_bg_k": 28.548473026817902,
  "summary_bg_mad": 0.0,
  "summary_bg_mean": 1.2803551212797457,
  "summary_bg_median": 0.0,
  "summary_bg_n": 213865.0,
  "summary_bg_p05": 0.0,
  "summary_bg_p95": 10.025511503219604,
  "summary_bg_stdv": 4.094051562132059,
  "summary_csf_k": 1.2658319978046775,
  "summary_csf_mad": 80.58991284258447,
  "summary_csf_mean": 318.98340755559263,
  "summary_csf_median": 330.4390688762069,
  "summary_csf_n": 28995.0,
  "summary_csf_p05": 78.48319507353008,
  "summary_csf_p95": 485.93743769600985,
  "summary_csf_stdv": 113.37665894616973,
  "summary_gm_k": 0.18091957293080263,
  "summary_gm_mad": 43.1648730375473,
  "summary_gm_mean": 753.6407462076097,
  "summary_gm_median": 754.3078487478197,
  "summary_gm_n": 51934.0,
  "summary_gm_p05": 680.8844040110707,
  "summary_gm_p95": 825.5605912171304,
  "summary_gm_stdv": 44.137158454704064,
  "summary_wm_k": 0.25430081713092445,
  "summary_wm_mad": 34.04086067373061,
  "summary_wm_mean": 1000.3072902486919,
  "summary_wm_median": 1000.0000156983733,
  "summary_wm_n": 170037.0,
  "summary_wm_p05": 945.7995941340923,
  "summary_wm_p95": 1056.460653025657,
  "summary_wm_stdv": 34.1248845045184,
  "tpm_overlap_csf": 0.14694838174843167,
  "tpm_overlap_gm": 0.47755831329055776,
  "tpm_overlap_wm": 0.4874573886740913,
  "wm2max": 0.8866445762812755
}