{
  "bids_meta": {
    "AcquisitionDateTime": "20110930122901",
    "CardiacTriggerDelayTimes": 0,
    "ConversionSoftware": "dicm2nii.m 20190112",
    "EchoTime": 0.00373,
    "EchoTimes": 0.00373,
    "FlipAngle": 8,
    "ImageType": [
      "PhilipsPAR",
      "ImageMRSERIES",
      "T1TFE"
    ],
    "MRAcquisitionType": "3D",
    "Manufacturer": "Philips",
    "PatientPosition": "HFS",
    "PhaseEncodingDirection": "j-",
    "RepetitionTime": 0.008139,
    "ScanningSequence": "T1TFE",
    "SeriesNumber": 3,
    "SliceThickness": 1,
    "SoftwareVersion": "V4.2\\PAR",
    "dataset": "ds003550",
    "modality": "T1w",
    "subject_id": "sc033"
  },
  "cjv": 0.36791140233627934,
  "cnr": 3.7563610166281625,
  "efc": 0.774760712938658,
  "fber": -1.0,
  "fwhm_avg": 4.707756666666667,
  "fwhm_x": 4.67975,
  "fwhm_y": 5.01002,
  "fwhm_z": 4.4335,
  "icvs_csf": 0.19392408661960792,
  "icvs_gm": 0.43112181443710784,
  "icvs_wm": 0.37495409894328424,
  "inu_med": 0.36556267738342285,
  "inu_range": 0.13561171293258667,
  "provenance": {
    "md5sum": "d6207a7cb93d382548548c7f24faf570",
    "settings": {
      "testing": false
    },
    "software": "mriqc",
    "version": "22.0.6",
    "warnings": {
      "large_rot_frame": true,
      "small_air_mask": true
    },
    "webapi_port": null,
    "webapi_url": "https://mriqc.nimh.nih.gov/api/v1"
  },
  "qi_1": 0.001090428563067739,
  "qi_2": 3.165855897830536e-05,
  "rpve_csf": 20.280872020307857,
  "rpve_gm": 9.700884980746961,
  "rpve_wm": 13.079064576764644,
  "size_x": 160,
  "size_y": 256,
  "size_z": 256,
  "snr_csf": 2.922976684689542,
  "snr_gm": 14.267298477625058,
  "snr_total": 16.391760059245012,
  "snr_wm": 31.985005015420427,
  "snrd_csf": 200.54781401728914,
  "snrd_gm": 470.6264920852054,
  "snrd_total": 428.3948924843733,
  "snrd_wm": 614.0103713506254,
  "spacing_x": 1.0,
  "spacing_y": 1.0,
  "spacing_z": 1.0,
  "summary_bg_k": 137.60709243047077,
  "summary_bg_mad": 0.0,
  "summary_bg_mean": 0.13950801071422547,
  "summary_bg_median": 0.0,
  "summary_bg_n": 142746.0,
  "summary_bg_p05": 0.0,
  "summary_bg_p95": 0.0,
  "summary_bg_stdv": 1.0670036022075176,
  "summary_csf_k": 1.4330360292866722,
  "summary_csf_mad": 74.40280916345661,
  "summary_csf_mean": 327.77852864041097,
  "summary_csf_median": 326.6270046532154,
  "summary_csf_n": 41181.0,
  "summary_csf_p05": 103.02466074191034,
  "summary_csf_p95": 516.9172089770436,
  "summary_csf_stdv": 111.74329257949843,
  "summary_gm_k": 0.004223336158233781,
  "summary_gm_mad": 54.37128361944906,
  "summary_gm_mean": 765.3292407930528,
  "summary_gm_median": 766.497117774561,
  "summary_gm_n": 43305.0,
  "summary_gm_p05": 675.6210559960455,
  "summary_gm_p95": 851.6735564880073,
  "summary_gm_stdv": 53.72343397325621,
  "summary_wm_k": 0.05947423387905992,
  "summary_wm_mad": 31.54544442812617,
  "summary_wm_mean": 1000.0793604159082,
  "summary_wm_median": 1000.0227098111063,
  "summary_wm_n": 260886.0,
  "summary_wm_p05": 949.2710861042142,
  "summary_wm_p95": 1051.2511944118887,
  "summary_wm_stdv": 31.265300497458004,
  "tpm_overlap_csf": 0.1633151033152093,
  "tpm_overlap_gm": 0.47421334037963775,
  "tpm_overlap_wm": 0.5241821861511087,
  "wm2max": 0.8904301165265636
}