{
  "bids_meta": {
    "AcquisitionDateTime": "20110812125922",
    "CardiacTriggerDelayTimes": 0,
    "ConversionSoftware": "dicm2nii.m 20190112",
    "EchoTime": 0.00372,
    "EchoTimes": 0.00372,
    "FlipAngle": 8,
    "ImageType": [
      "PhilipsPAR",
      "ImageMRSERIES",
      "T1TFE"
    ],
    "MRAcquisitionType": "3D",
    "Manufacturer": "Philips",
    "PatientPosition": "HFS",
    "PhaseEncodingDirection": "j-",
    "RepetitionTime": 0.008134,
    "ScanningSequence": "T1TFE",
    "SeriesNumber": 3,
    "SliceThickness": 1,
    "SoftwareVersion": "V4.2\\PAR",
    "dataset": "ds003550",
    "modality": "T1w",
    "subject_id": "sc007"
  },
  "cjv": 0.35265441663897745,
  "cnr": 3.846789175278567,
  "efc": 0.7161080938386134,
  "fber": -1.0,
  "fwhm_avg": 4.606396666666666,
  "fwhm_x": 4.44882,
  "fwhm_y": 4.97587,
  "fwhm_z": 4.3945,
  "icvs_csf": 0.19142024577029623,
  "icvs_gm": 0.45758730801561165,
  "icvs_wm": 0.35099244621409215,
  "inu_med": 0.35145430266857147,
  "inu_range": 0.12512344866991043,
  "provenance": {
    "md5sum": "9c12e710fa6f9bd83b7538bcd5a40b04",
    "settings": {
      "testing": false
    },
    "software": "mriqc",
    "version": "22.0.6",
    "warnings": {
      "large_rot_frame": true,
      "small_air_mask": false
    },
    "webapi_port": null,
    "webapi_url": "https://mriqc.nimh.nih.gov/api/v1"
  },
  "qi_1": 0.0020994499514663057,
  "qi_2": 1.2598654406921871e-05,
  "rpve_csf": 25.597744508721657,
  "rpve_gm": 11.687163267704435,
  "rpve_wm": 17.05723258694242,
  "size_x": 160,
  "size_y": 256,
  "size_z": 256,
  "snr_csf": 2.7428724866361964,
  "snr_gm": 15.250241388882102,
  "snr_total": 16.345463372325366,
  "snr_wm": 31.043276241457793,
  "snrd_csf": 57.91988216334237,
  "snrd_gm": 133.6650454752778,
  "snrd_total": 121.77774576506137,
  "snrd_wm": 173.74830965656395,
  "spacing_x": 1.0,
  "spacing_y": 1.0,
  "spacing_z": 1.0,
  "summary_bg_k": 8.85942759604588,
  "summary_bg_mad": 0.0,
  "summary_bg_mean": 1.8809860646207806,
  "summary_bg_median": 0.0,
  "summary_bg_n": 306299.0,
  "summary_bg_p05": 0.0,
  "summary_bg_p95": 9.678962742909789,
  "summary_bg_stdv": 3.770769840610345,
  "summary_csf_k": 1.3582223554968333,
  "summary_csf_mad": 83.77850370551454,
  "summary_csf_mean": 322.60673991436494,
  "summary_csf_median": 333.3695774395019,
  "summary_csf_n": 36037.0,
  "summary_csf_p05": 80.01565873846413,
  "summary_csf_p95": 511.1666854072361,
  "summary_csf_stdv": 121.53862552943089,
  "summary_gm_k": 0.10803638616730993,
  "summary_gm_mad": 49.951078614257895,
  "summary_gm_mean": 768.7660312932213,
  "summary_gm_median": 769.3361599538475,
  "summary_gm_n": 46797.0,
  "summary_gm_p05": 685.4228155445307,
  "summary_gm_p95": 851.9879766348749,
  "summary_gm_stdv": 50.44693525575675,
  "summary_wm_k": 0.44248014272915803,
  "summary_wm_mad": 31.40887706280645,
  "summary_wm_mean": 1000.2958357283547,
  "summary_wm_median": 1000.0434808842838,
  "summary_wm_n": 191128.0,
  "summary_wm_p05": 949.0603602789342,
  "summary_wm_p95": 1053.8759141173214,
  "summary_wm_stdv": 32.21441116397667,
  "tpm_overlap_csf": 0.1591944853109969,
  "tpm_overlap_gm": 0.4911956457124517,
  "tpm_overlap_wm": 0.5127252297802536,
  "wm2max": 0.8721810247777969
}