{
  "bids_meta": {
    "AcquisitionDateTime": "20110929140346",
    "CardiacTriggerDelayTimes": 0,
    "ConversionSoftware": "dicm2nii.m 20190112",
    "EchoTime": 0.0038,
    "EchoTimes": 0.0038,
    "FlipAngle": 8,
    "ImageType": [
      "PhilipsPAR",
      "ImageMRSERIES",
      "T1TFE"
    ],
    "MRAcquisitionType": "3D",
    "Manufacturer": "Philips",
    "PatientPosition": "HFS",
    "PhaseEncodingDirection": "j-",
    "RepetitionTime": 0.008233,
    "ScanningSequence": "T1TFE",
    "SeriesNumber": 3,
    "SliceThickness": 1,
    "SoftwareVersion": "V4.2\\PAR",
    "dataset": "ds003550",
    "modality": "T1w",
    "subject_id": "sc031"
  },
  "cjv": 0.3534008807896615,
  "cnr": 3.7907877696641434,
  "efc": 0.7746637402757973,
  "fber": -1.0,
  "fwhm_avg": 4.633066666666667,
  "fwhm_x": 4.57599,
  "fwhm_y": 5.01768,
  "fwhm_z": 4.30553,
  "icvs_csf": 0.21291168322117338,
  "icvs_gm": 0.4370797247103927,
  "icvs_wm": 0.35000859206843393,
  "inu_med": 0.38224096596241,
  "inu_range": 0.14203128069639204,
  "provenance": {
    "md5sum": "2137d24676686343535afd51b99033f6",
    "settings": {
      "testing": false
    },
    "software": "mriqc",
    "version": "22.0.6",
    "warnings": {
      "large_rot_frame": true,
      "small_air_mask": true
    },
    "webapi_port": null,
    "webapi_url": "https://mriqc.nimh.nih.gov/api/v1"
  },
  "qi_1": 2.261822059227426e-05,
  "qi_2": 1.2931848571353877e-05,
  "rpve_csf": 20.533352417428386,
  "rpve_gm": 10.571072996102572,
  "rpve_wm": 15.090198461855348,
  "size_x": 160,
  "size_y": 256,
  "size_z": 256,
  "snr_csf": 3.211884306819888,
  "snr_gm": 16.106783274115617,
  "snr_total": 16.707132480486138,
  "snr_wm": 30.80272986052291,
  "snrd_csf": 77.15917814107576,
  "snrd_gm": 178.87171111708668,
  "snrd_total": 161.8890153836045,
  "snrd_wm": 229.636156892651,
  "spacing_x": 1.0,
  "spacing_y": 1.0,
  "spacing_z": 1.0,
  "summary_bg_k": 30.09885792702724,
  "summary_bg_mad": 0.0,
  "summary_bg_mean": 0.8499871110303947,
  "summary_bg_median": 0.0,
  "summary_bg_n": 132551.0,
  "summary_bg_p05": 0.0,
  "summary_bg_p95": 5.230622757226229,
  "summary_bg_stdv": 2.8529938348355626,
  "summary_csf_k": 1.8065364950349991,
  "summary_csf_mad": 57.7454094754593,
  "summary_csf_mean": 333.49562191991106,
  "summary_csf_median": 336.01347679272294,
  "summary_csf_n": 51385.0,
  "summary_csf_p05": 111.50736696086824,
  "summary_csf_p95": 503.25939733348775,
  "summary_csf_stdv": 104.61466700267309,
  "summary_gm_k": 0.3085214766339974,
  "summary_gm_mad": 46.17710047399381,
  "summary_gm_mean": 778.42797129802,
  "summary_gm_median": 778.952122097835,
  "summary_gm_n": 42167.0,
  "summary_gm_p05": 697.4884147755802,
  "summary_gm_p95": 856.8062674347311,
  "summary_gm_stdv": 48.3611700904587,
  "summary_wm_k": 0.24796874759949938,
  "summary_wm_mad": 31.949041757509946,
  "summary_wm_mean": 1000.3607466954456,
  "summary_wm_median": 1000.0215830933303,
  "summary_wm_n": 216998.0,
  "summary_wm_p05": 947.8882686700672,
  "summary_wm_p95": 1054.186627017334,
  "summary_wm_stdv": 32.46528094751359,
  "tpm_overlap_csf": 0.16696687875357133,
  "tpm_overlap_gm": 0.4664750553871807,
  "tpm_overlap_wm": 0.5030666329799739,
  "wm2max": 0.8906063522617902
}