{
  "bids_meta": {
    "AcquisitionDateTime": "20110808160401",
    "CardiacTriggerDelayTimes": 0,
    "ConversionSoftware": "dicm2nii.m 20190112",
    "EchoTime": 0.00383,
    "EchoTimes": 0.00383,
    "FlipAngle": 8,
    "ImageType": [
      "PhilipsPAR",
      "ImageMRSERIES",
      "T1TFE"
    ],
    "MRAcquisitionType": "3D",
    "Manufacturer": "Philips",
    "PatientPosition": "HFS",
    "PhaseEncodingDirection": "j-",
    "RepetitionTime": 0.008239,
    "ScanningSequence": "T1TFE",
    "SeriesNumber": 3,
    "SliceThickness": 1,
    "SoftwareVersion": "V4.2\\PAR",
    "dataset": "ds003550",
    "modality": "T1w",
    "subject_id": "sc025"
  },
  "cjv": 0.36609070597546056,
  "cnr": 3.755482350641588,
  "efc": 0.7369422406701976,
  "fber": -1.0,
  "fwhm_avg": 4.617453333333334,
  "fwhm_x": 4.42269,
  "fwhm_y": 5.1024,
  "fwhm_z": 4.32727,
  "icvs_csf": 0.18871534268733062,
  "icvs_gm": 0.4474187222442246,
  "icvs_wm": 0.36386593506844483,
  "inu_med": 0.37260785698890686,
  "inu_range": 0.1547627747058869,
  "provenance": {
    "md5sum": "d50c155f808924ae40dd3849ad2d5052",
    "settings": {
      "testing": false
    },
    "software": "mriqc",
    "version": "22.0.6",
    "warnings": {
      "large_rot_frame": true,
      "small_air_mask": false
    },
    "webapi_port": null,
    "webapi_url": "https://mriqc.nimh.nih.gov/api/v1"
  },
  "qi_1": 0.0001741192772033878,
  "qi_2": 1.5219239797642319e-05,
  "rpve_csf": 23.913678929996347,
  "rpve_gm": 10.967795751621841,
  "rpve_wm": 15.140780324060259,
  "size_x": 160,
  "size_y": 256,
  "size_z": 256,
  "snr_csf": 2.823259998955237,
  "snr_gm": 16.87128856156809,
  "snr_total": 16.248450242417235,
  "snr_wm": 29.050802166728374,
  "snrd_csf": 83.68060453215902,
  "snrd_gm": 191.64709959581222,
  "snrd_total": 173.3830352158261,
  "snrd_wm": 244.82140151950702,
  "spacing_x": 1.0,
  "spacing_y": 1.0,
  "spacing_z": 1.0,
  "summary_bg_k": 34.1650829064704,
  "summary_bg_mad": 0.0,
  "summary_bg_mean": 0.744730810937462,
  "summary_bg_median": 0.0,
  "summary_bg_n": 287160.0,
  "summary_bg_p05": 0.0,
  "summary_bg_p95": 5.033877169713378,
  "summary_bg_stdv": 2.6759767805966015,
  "summary_csf_k": 4.684851053331356,
  "summary_csf_mad": 65.8957885642264,
  "summary_csf_mean": 332.471617624341,
  "summary_csf_median": 341.8026455473155,
  "summary_csf_n": 36088.0,
  "summary_csf_p05": 71.07906135348604,
  "summary_csf_p95": 515.1886996348389,
  "summary_csf_stdv": 121.06497806016468,
  "summary_gm_k": 0.03190647088363008,
  "summary_gm_mad": 46.583335233003844,
  "summary_gm_mean": 781.9718222171241,
  "summary_gm_median": 782.803685747087,
  "summary_gm_n": 34071.0,
  "summary_gm_p05": 704.7070179032162,
  "summary_gm_p95": 856.9639093587175,
  "summary_gm_stdv": 46.397890414626374,
  "summary_wm_k": 0.5257717152633963,
  "summary_wm_mad": 32.93020888528973,
  "summary_wm_mean": 1001.2147103958205,
  "summary_wm_median": 999.999978415668,
  "summary_wm_n": 201517.0,
  "summary_wm_p05": 947.2039112281054,
  "summary_wm_p95": 1060.02478864789,
  "summary_wm_stdv": 34.42237124789909,
  "tpm_overlap_csf": 0.1680005395682422,
  "tpm_overlap_gm": 0.4729884622175204,
  "tpm_overlap_wm": 0.5144860997864521,
  "wm2max": 0.8514147589933172
}