{
  "bids_meta": {
    "AcquisitionDateTime": "20110803114618",
    "CardiacTriggerDelayTimes": 0,
    "ConversionSoftware": "dicm2nii.m 20190112",
    "EchoTime": 0.00378,
    "EchoTimes": 0.00378,
    "FlipAngle": 8,
    "ImageType": [
      "PhilipsPAR",
      "ImageMRSERIES",
      "T1TFE"
    ],
    "MRAcquisitionType": "3D",
    "Manufacturer": "Philips",
    "PatientPosition": "HFS",
    "PhaseEncodingDirection": "j-",
    "RepetitionTime": 0.008194,
    "ScanningSequence": "T1TFE",
    "SeriesNumber": 3,
    "SliceThickness": 1,
    "SoftwareVersion": "V4.2\\PAR",
    "dataset": "ds003550",
    "modality": "T1w",
    "subject_id": "sc005"
  },
  "cjv": 0.33962208909852465,
  "cnr": 3.9057156424990067,
  "efc": 0.7737085118155375,
  "fber": -1.0,
  "fwhm_avg": 4.702763333333333,
  "fwhm_x": 4.65746,
  "fwhm_y": 5.07408,
  "fwhm_z": 4.37675,
  "icvs_csf": 0.22637075647851004,
  "icvs_gm": 0.4352585064068342,
  "icvs_wm": 0.3383707371146557,
  "inu_med": 0.4047509729862213,
  "inu_range": 0.16675651669502256,
  "provenance": {
    "md5sum": "081e8ef701668d2f3c7a747c4cfb6152",
    "settings": {
      "testing": false
    },
    "software": "mriqc",
    "version": "22.0.6",
    "warnings": {
      "large_rot_frame": true,
      "small_air_mask": true
    },
    "webapi_port": null,
    "webapi_url": "https://mriqc.nimh.nih.gov/api/v1"
  },
  "qi_1": 0.0,
  "qi_2": 1.2308143369327689e-05,
  "rpve_csf": 19.840563428636823,
  "rpve_gm": 10.679988411075701,
  "rpve_wm": 15.58915203749543,
  "size_x": 160,
  "size_y": 256,
  "size_z": 256,
  "snr_csf": 3.6001144689274254,
  "snr_gm": 16.577494158193698,
  "snr_total": 16.479330207848026,
  "snr_wm": 29.260381996422964,
  "snrd_csf": 83.21408604791138,
  "snrd_gm": 197.3538350826279,
  "snrd_total": 178.53506219379724,
  "snrd_wm": 255.03726545085243,
  "spacing_x": 1.0,
  "spacing_y": 1.0,
  "spacing_z": 1.0,
  "summary_bg_k": 22.368881811476427,
  "summary_bg_mad": 0.0,
  "summary_bg_mean": 0.8064670975017103,
  "summary_bg_median": 0.0,
  "summary_bg_n": 225758.0,
  "summary_bg_p05": 0.0,
  "summary_bg_p95": 4.895725697278976,
  "summary_bg_stdv": 2.56891017324513,
  "summary_csf_k": 3.029877746987416,
  "summary_csf_mad": 60.59352287895649,
  "summary_csf_mean": 337.5357180694832,
  "summary_csf_median": 326.2977178581059,
  "summary_csf_n": 50868.0,
  "summary_csf_p05": 216.6118634492159,
  "summary_csf_p95": 509.91502995975304,
  "summary_csf_stdv": 90.63448214219646,
  "summary_gm_k": 0.26890088308062543,
  "summary_gm_mad": 44.475574632234654,
  "summary_gm_mean": 773.187322963216,
  "summary_gm_median": 773.8606413453817,
  "summary_gm_n": 33254.0,
  "summary_gm_p05": 695.145051702857,
  "summary_gm_p95": 849.600397720933,
  "summary_gm_stdv": 46.68069843795203,
  "summary_wm_k": 0.708655857116907,
  "summary_wm_mad": 32.34263787256104,
  "summary_wm_mean": 1001.1155451302646,
  "summary_wm_median": 1000.0479682907462,
  "summary_wm_n": 202320.0,
  "summary_wm_p05": 947.6829022541642,
  "summary_wm_p95": 1058.652684725821,
  "summary_wm_stdv": 34.17745868659056,
  "tpm_overlap_csf": 0.16029481358346082,
  "tpm_overlap_gm": 0.46840425473523895,
  "tpm_overlap_wm": 0.5057841462817206,
  "wm2max": 0.8692301889395507
}