{
  "bids_meta": {
    "AcquisitionDateTime": "20111004120050",
    "CardiacTriggerDelayTimes": 0,
    "ConversionSoftware": "dicm2nii.m 20190112",
    "EchoTime": 0.00382,
    "EchoTimes": 0.00382,
    "FlipAngle": 8,
    "ImageType": [
      "PhilipsPAR",
      "ImageMRSERIES",
      "T1TFE"
    ],
    "MRAcquisitionType": "3D",
    "Manufacturer": "Philips",
    "PatientPosition": "HFS",
    "PhaseEncodingDirection": "j-",
    "RepetitionTime": 0.008259,
    "ScanningSequence": "T1TFE",
    "SeriesNumber": 3,
    "SliceThickness": 1,
    "SoftwareVersion": "V4.2\\PAR",
    "dataset": "ds003550",
    "modality": "T1w",
    "subject_id": "sc036"
  },
  "cjv": 0.33635808205269807,
  "cnr": 3.9017360615358103,
  "efc": 0.7673030018580373,
  "fber": -1.0,
  "fwhm_avg": 4.61203,
  "fwhm_x": 4.50442,
  "fwhm_y": 4.93742,
  "fwhm_z": 4.39425,
  "icvs_csf": 0.202283368586833,
  "icvs_gm": 0.4493981161414448,
  "icvs_wm": 0.3483185152717222,
  "inu_med": 0.38073869049549103,
  "inu_range": 0.13850956410169601,
  "provenance": {
    "md5sum": "590ce9f114f74764cada9370504a4520",
    "settings": {
      "testing": false
    },
    "software": "mriqc",
    "version": "22.0.6",
    "warnings": {
      "large_rot_frame": true,
      "small_air_mask": true
    },
    "webapi_port": null,
    "webapi_url": "https://mriqc.nimh.nih.gov/api/v1"
  },
  "qi_1": 0.001712075372422638,
  "qi_2": 1.214225708424573e-06,
  "rpve_csf": 19.86758906502985,
  "rpve_gm": 9.674516669561095,
  "rpve_wm": 14.179630624708485,
  "size_x": 160,
  "size_y": 256,
  "size_z": 256,
  "snr_csf": 3.2881277079619005,
  "snr_gm": 16.824799200802453,
  "snr_total": 16.622421585610166,
  "snr_wm": 29.75433784806614,
  "snrd_csf": 22.24939496816793,
  "snrd_gm": 51.44942005506445,
  "snrd_total": 46.71384212491582,
  "snrd_wm": 66.44271135151509,
  "spacing_x": 1.0,
  "spacing_y": 1.0,
  "spacing_z": 1.0,
  "summary_bg_k": 180.09277403891267,
  "summary_bg_mad": 0.0,
  "summary_bg_mean": 1.764368429935908,
  "summary_bg_median": 0.0,
  "summary_bg_n": 281652.0,
  "summary_bg_p05": 0.0,
  "summary_bg_p95": 9.195300154387951,
  "summary_bg_stdv": 9.860388536299636,
  "summary_csf_k": 2.189695083798653,
  "summary_csf_mad": 69.5808471005468,
  "summary_csf_mean": 339.54711575086407,
  "summary_csf_median": 334.8732860572636,
  "summary_csf_n": 44210.0,
  "summary_csf_p05": 148.4541230360047,
  "summary_csf_p95": 511.64959989488125,
  "summary_csf_stdv": 101.84199899611629,
  "summary_gm_k": 0.42605510120521695,
  "summary_gm_mad": 42.94057009896499,
  "summary_gm_mean": 771.9344286663512,
  "summary_gm_median": 774.3597695231438,
  "summary_gm_n": 44865.0,
  "summary_gm_p05": 692.2461833618581,
  "summary_gm_p95": 844.568329397589,
  "summary_gm_stdv": 46.024391158916316,
  "summary_wm_k": 0.3650005199312929,
  "summary_wm_mad": 32.96281493026377,
  "summary_wm_mean": 1000.5141203129895,
  "summary_wm_median": 1000.0222080945969,
  "summary_wm_n": 224363.0,
  "summary_wm_p05": 946.804963722825,
  "summary_wm_p95": 1056.1934981681406,
  "summary_wm_stdv": 33.60921639787643,
  "tpm_overlap_csf": 0.1610352554410621,
  "tpm_overlap_gm": 0.46869899959654804,
  "tpm_overlap_wm": 0.49665489911704697,
  "wm2max": 0.8739978646996021
}