{
  "bids_meta": {
    "AcquisitionDateTime": "20110418204409",
    "CardiacTriggerDelayTimes": 0,
    "ConversionSoftware": "dicm2nii.m 20190112",
    "EchoTime": 0.00377,
    "EchoTimes": 0.00377,
    "FlipAngle": 8,
    "ImageType": [
      "PhilipsPAR",
      "ImageMRSERIES",
      "T1TFE"
    ],
    "MRAcquisitionType": "3D",
    "Manufacturer": "Philips",
    "PatientPosition": "HFS",
    "PhaseEncodingDirection": "j-",
    "RepetitionTime": 0.008234,
    "ScanningSequence": "T1TFE",
    "SeriesNumber": 3,
    "SliceThickness": 1,
    "SoftwareVersion": "V4.2\\PAR",
    "dataset": "ds003550",
    "modality": "T1w",
    "subject_id": "sc012"
  },
  "cjv": 0.32035986063956623,
  "cnr": 4.225397746091776,
  "efc": 0.6936399742339037,
  "fber": -1.0,
  "fwhm_avg": 4.599553333333334,
  "fwhm_x": 4.48006,
  "fwhm_y": 4.93604,
  "fwhm_z": 4.38256,
  "icvs_csf": 0.19804220122559688,
  "icvs_gm": 0.4584617534029655,
  "icvs_wm": 0.34349604537143763,
  "inu_med": 0.37840670347213745,
  "inu_range": 0.13319504112005237,
  "provenance": {
    "md5sum": "30637715b962b7e4641156b28c0c755a",
    "settings": {
      "testing": false
    },
    "software": "mriqc",
    "version": "22.0.6",
    "warnings": {
      "large_rot_frame": true,
      "small_air_mask": false
    },
    "webapi_port": null,
    "webapi_url": "https://mriqc.nimh.nih.gov/api/v1"
  },
  "qi_1": 0.006523432105479712,
  "qi_2": 1.505176614438384e-05,
  "rpve_csf": 25.025898281298062,
  "rpve_gm": 11.711132376756774,
  "rpve_wm": 17.532529661973065,
  "size_x": 160,
  "size_y": 256,
  "size_z": 256,
  "snr_csf": 2.9467087394502305,
  "snr_gm": 16.150250778805358,
  "snr_total": 17.604919557289826,
  "snr_wm": 33.71779915361389,
  "snrd_csf": 46.95390384118018,
  "snrd_gm": 105.79031402253632,
  "snrd_total": 97.10883069029359,
  "snrd_wm": 138.58227420716423,
  "spacing_x": 1.0,
  "spacing_y": 1.0,
  "spacing_z": 1.0,
  "summary_bg_k": 714.1813999577752,
  "summary_bg_mad": 0.0,
  "summary_bg_mean": 2.1622801478091427,
  "summary_bg_median": 0.0,
  "summary_bg_n": 373159.0,
  "summary_bg_p05": 0.0,
  "summary_bg_p95": 10.257800828665495,
  "summary_bg_stdv": 4.727525334695618,
  "summary_csf_k": 0.9873179018208584,
  "summary_csf_mad": 86.74390526142842,
  "summary_csf_mean": 342.2720809687459,
  "summary_csf_median": 338.82374719530344,
  "summary_csf_n": 31744.0,
  "summary_csf_p05": 123.85277758240704,
  "summary_csf_p95": 541.0165246085263,
  "summary_csf_stdv": 114.98198169423141,
  "summary_gm_k": 0.09363837802038821,
  "summary_gm_mad": 47.199135938734365,
  "summary_gm_mean": 762.5134707081506,
  "summary_gm_median": 763.3927678372711,
  "summary_gm_n": 39825.0,
  "summary_gm_p05": 684.1636832870543,
  "summary_gm_p95": 838.2927893064916,
  "summary_gm_stdv": 47.26757459629259,
  "summary_wm_k": 0.6360953725110123,
  "summary_wm_mad": 28.60756713390997,
  "summary_wm_mean": 999.7200761941899,
  "summary_wm_median": 1000.0226094201207,
  "summary_wm_n": 180669.0,
  "summary_wm_p05": 951.1285984218121,
  "summary_wm_p95": 1046.7475700229406,
  "summary_wm_stdv": 29.65851470037612,
  "tpm_overlap_csf": 0.14528681875162833,
  "tpm_overlap_gm": 0.4841917772681636,
  "tpm_overlap_wm": 0.5166461222707309,
  "wm2max": 0.7927353489038544
}