{
  "bids_meta": {
    "AcquisitionDateTime": "20110812114744",
    "CardiacTriggerDelayTimes": 0,
    "ConversionSoftware": "dicm2nii.m 20190112",
    "EchoTime": 0.00377,
    "EchoTimes": 0.00377,
    "FlipAngle": 8,
    "ImageType": [
      "PhilipsPAR",
      "ImageMRSERIES",
      "T1TFE"
    ],
    "MRAcquisitionType": "3D",
    "Manufacturer": "Philips",
    "PatientPosition": "HFS",
    "PhaseEncodingDirection": "j-",
    "RepetitionTime": 0.008154,
    "ScanningSequence": "T1TFE",
    "SeriesNumber": 3,
    "SliceThickness": 1,
    "SoftwareVersion": "V4.2\\PAR",
    "dataset": "ds003550",
    "modality": "T1w",
    "subject_id": "sc027"
  },
  "cjv": 0.32694759712873817,
  "cnr": 3.8704965744252657,
  "efc": 0.7278307173657158,
  "fber": -1.0,
  "fwhm_avg": 4.677853333333334,
  "fwhm_x": 4.66925,
  "fwhm_y": 5.06526,
  "fwhm_z": 4.29905,
  "icvs_csf": 0.23997986404067131,
  "icvs_gm": 0.4403115543934389,
  "icvs_wm": 0.31970858156588977,
  "inu_med": 0.42263369262218475,
  "inu_range": 0.15890739858150482,
  "provenance": {
    "md5sum": "1a30ee88478f4cc9233c35326a24a3be",
    "settings": {
      "testing": false
    },
    "software": "mriqc",
    "version": "22.0.6",
    "warnings": {
      "large_rot_frame": true,
      "small_air_mask": true
    },
    "webapi_port": null,
    "webapi_url": "https://mriqc.nimh.nih.gov/api/v1"
  },
  "qi_1": 4.309371857749687e-05,
  "qi_2": 1.8415215995118402e-06,
  "rpve_csf": 21.802391460922582,
  "rpve_gm": 12.142684253834624,
  "rpve_wm": 18.713317619328226,
  "size_x": 160,
  "size_y": 256,
  "size_z": 256,
  "snr_csf": 3.096961995510287,
  "snr_gm": 15.694515792564093,
  "snr_total": 16.884483778840778,
  "snr_wm": 31.861973548447956,
  "snrd_csf": 8.7845755763398,
  "snrd_gm": 21.682649305601256,
  "snrd_total": 19.669557138955053,
  "snrd_wm": 28.5414465349241,
  "spacing_x": 1.0,
  "spacing_y": 1.0,
  "spacing_z": 1.0,
  "summary_bg_k": 75.95459237457976,
  "summary_bg_mad": 0.0,
  "summary_bg_mean": 4.5130934800609275,
  "summary_bg_median": 0.0,
  "summary_bg_n": 286689.0,
  "summary_bg_p05": 0.0,
  "summary_bg_p95": 17.887772431597114,
  "summary_bg_stdv": 22.9543722247151,
  "summary_csf_k": 1.716204027479459,
  "summary_csf_mad": 73.84773180565857,
  "summary_csf_mean": 310.47890916768046,
  "summary_csf_median": 307.78997719474137,
  "summary_csf_n": 56283.0,
  "summary_csf_p05": 121.05767185837034,
  "summary_csf_p95": 481.8694123677904,
  "summary_csf_stdv": 99.38360345461714,
  "summary_gm_k": 0.13069227005897366,
  "summary_gm_mad": 47.26122728707398,
  "summary_gm_mean": 760.4706009273286,
  "summary_gm_median": 759.7068381160498,
  "summary_gm_n": 37448.0,
  "summary_gm_p05": 682.4385668273084,
  "summary_gm_p95": 842.0173227172345,
  "summary_gm_stdv": 48.4052330507782,
  "summary_wm_k": 0.12478744984682155,
  "summary_wm_mad": 31.30932457592322,
  "summary_wm_mean": 999.6587492706803,
  "summary_wm_median": 1000.0222664996982,
  "summary_wm_n": 159387.0,
  "summary_wm_p05": 947.918281795457,
  "summary_wm_p95": 1050.6782995127141,
  "summary_wm_stdv": 31.38597575839544,
  "tpm_overlap_csf": 0.14897205225124055,
  "tpm_overlap_gm": 0.47496542080312754,
  "tpm_overlap_wm": 0.4924007242916171,
  "wm2max": 0.8369127516778524
}