{
  "bids_meta": {
    "AcquisitionDateTime": "20110810142548",
    "CardiacTriggerDelayTimes": 0,
    "ConversionSoftware": "dicm2nii.m 20190112",
    "EchoTime": 0.00373,
    "EchoTimes": 0.00373,
    "FlipAngle": 8,
    "ImageType": [
      "PhilipsPAR",
      "ImageMRSERIES",
      "T1TFE"
    ],
    "MRAcquisitionType": "3D",
    "Manufacturer": "Philips",
    "PatientPosition": "HFS",
    "PhaseEncodingDirection": "j-",
    "RepetitionTime": 0.008129,
    "ScanningSequence": "T1TFE",
    "SeriesNumber": 3,
    "SliceThickness": 1,
    "SoftwareVersion": "V4.2\\PAR",
    "dataset": "ds003550",
    "modality": "T1w",
    "subject_id": "sc008"
  },
  "cjv": 0.3502851395370379,
  "cnr": 3.853547764180104,
  "efc": 0.7562209450315723,
  "fber": -1.0,
  "fwhm_avg": 4.58169,
  "fwhm_x": 4.42038,
  "fwhm_y": 4.99727,
  "fwhm_z": 4.32742,
  "icvs_csf": 0.20422045750507853,
  "icvs_gm": 0.4318620800993685,
  "icvs_wm": 0.363917462395553,
  "inu_med": 0.35679708421230316,
  "inu_range": 0.12938968986272814,
  "provenance": {
    "md5sum": "aaccdd055246f241a2920593cf11a52f",
    "settings": {
      "testing": false
    },
    "software": "mriqc",
    "version": "22.0.6",
    "warnings": {
      "large_rot_frame": true,
      "small_air_mask": true
    },
    "webapi_port": null,
    "webapi_url": "https://mriqc.nimh.nih.gov/api/v1"
  },
  "qi_1": 1.638519246749295e-05,
  "qi_2": 2.2028453423365843e-05,
  "rpve_csf": 21.362402686988798,
  "rpve_gm": 10.615336453892251,
  "rpve_wm": 14.504670174176585,
  "size_x": 160,
  "size_y": 256,
  "size_z": 256,
  "snr_csf": 3.354516792664522,
  "snr_gm": 15.004794927117416,
  "snr_total": 16.711594256371587,
  "snr_wm": 31.775471049332825,
  "snrd_csf": 111.97802273457017,
  "snrd_gm": 266.2665903907558,
  "snrd_total": 241.605679592585,
  "snrd_wm": 346.572425652429,
  "spacing_x": 1.0,
  "spacing_y": 1.0,
  "spacing_z": 1.0,
  "summary_bg_k": 53.20167499656516,
  "summary_bg_mad": 0.0,
  "summary_bg_mean": 0.4217646637553244,
  "summary_bg_median": 0.0,
  "summary_bg_n": 211217.0,
  "summary_bg_p05": 0.0,
  "summary_bg_p95": 4.461887184530497,
  "summary_bg_stdv": 1.8903304696441643,
  "summary_csf_k": 3.14830676608255,
  "summary_csf_mad": 52.54065038227516,
  "summary_csf_mean": 332.2454241471976,
  "summary_csf_median": 323.1013698913157,
  "summary_csf_n": 54016.0,
  "summary_csf_p05": 171.1051972936839,
  "summary_csf_p95": 513.409034544602,
  "summary_csf_stdv": 96.31741292540787,
  "summary_gm_k": 0.0444626564698285,
  "summary_gm_mad": 50.791604341204035,
  "summary_gm_mean": 766.841364970564,
  "summary_gm_median": 768.2855797111988,
  "summary_gm_n": 44580.0,
  "summary_gm_p05": 681.804394595325,
  "summary_gm_p95": 849.6040576659143,
  "summary_gm_stdv": 51.20209682727986,
  "summary_wm_k": 0.4413184594779942,
  "summary_wm_mad": 30.374522337017346,
  "summary_wm_mean": 1000.1300223566648,
  "summary_wm_median": 1000.0000246502459,
  "summary_wm_n": 236408.0,
  "summary_wm_p05": 949.0971336811781,
  "summary_wm_p95": 1051.7205389253795,
  "summary_wm_stdv": 31.470750130116645,
  "tpm_overlap_csf": 0.15780486680308084,
  "tpm_overlap_gm": 0.463266309821494,
  "tpm_overlap_wm": 0.4990642638603082,
  "wm2max": 0.859645281001355
}