{
  "bids_meta": {
    "AcquisitionDateTime": "20110714160129",
    "CardiacTriggerDelayTimes": 0,
    "ConversionSoftware": "dicm2nii.m 20190112",
    "EchoTime": 0.00376,
    "EchoTimes": 0.00376,
    "FlipAngle": 8,
    "ImageType": [
      "PhilipsPAR",
      "ImageMRSERIES",
      "T1TFE"
    ],
    "MRAcquisitionType": "3D",
    "Manufacturer": "Philips",
    "PatientPosition": "HFS",
    "PhaseEncodingDirection": "j-",
    "RepetitionTime": 0.008211,
    "ScanningSequence": "T1TFE",
    "SeriesNumber": 3,
    "SliceThickness": 1,
    "SoftwareVersion": "V4.2\\PAR",
    "dataset": "ds003550",
    "modality": "T1w",
    "subject_id": "sc016"
  },
  "cjv": 0.31356030630294945,
  "cnr": 4.282477521178189,
  "efc": 0.72833466824077,
  "fber": -1.0,
  "fwhm_avg": 4.7416100000000005,
  "fwhm_x": 4.67112,
  "fwhm_y": 5.15836,
  "fwhm_z": 4.39535,
  "icvs_csf": 0.23515321575630546,
  "icvs_gm": 0.425677183894362,
  "icvs_wm": 0.3391696003493325,
  "inu_med": 0.3924509286880493,
  "inu_range": 0.1423562049865722,
  "provenance": {
    "md5sum": "ad73f42fb5c88f42f7a8aa96706b8211",
    "settings": {
      "testing": false
    },
    "software": "mriqc",
    "version": "22.0.6",
    "warnings": {
      "large_rot_frame": true,
      "small_air_mask": true
    },
    "webapi_port": null,
    "webapi_url": "https://mriqc.nimh.nih.gov/api/v1"
  },
  "qi_1": 0.0035976131989345983,
  "qi_2": 1.256907032718327e-05,
  "rpve_csf": 19.855725457484965,
  "rpve_gm": 11.108570647841443,
  "rpve_wm": 16.10714821871039,
  "size_x": 160,
  "size_y": 256,
  "size_z": 256,
  "snr_csf": 3.530854675054141,
  "snr_gm": 15.266745887003358,
  "snr_total": 17.463960993353272,
  "snr_wm": 33.594282418002315,
  "snrd_csf": 68.27933138761885,
  "snrd_gm": 164.98430019846407,
  "snrd_total": 150.79189164641147,
  "snrd_wm": 219.11204335315148,
  "spacing_x": 1.0,
  "spacing_y": 1.0,
  "spacing_z": 1.0,
  "summary_bg_k": 24.357693100068904,
  "summary_bg_mad": 0.0,
  "summary_bg_mean": 0.963760434071891,
  "summary_bg_median": 0.0,
  "summary_bg_n": 212360.0,
  "summary_bg_p05": 0.0,
  "summary_bg_p95": 5.343050563707948,
  "summary_bg_stdv": 2.9899606412539375,
  "summary_csf_k": 2.2600294620890393,
  "summary_csf_mad": 48.076601704410606,
  "summary_csf_mean": 314.6156347848088,
  "summary_csf_median": 311.6183339226991,
  "summary_csf_n": 68260.0,
  "summary_csf_p05": 165.22880861414598,
  "summary_csf_p95": 478.4154061228037,
  "summary_csf_stdv": 88.255133674061,
  "summary_gm_k": 0.07094121238676321,
  "summary_gm_mad": 49.22009895280921,
  "summary_gm_mean": 752.2847132303061,
  "summary_gm_median": 752.9677240010351,
  "summary_gm_n": 45145.0,
  "summary_gm_p05": 670.3628209345043,
  "summary_gm_p95": 832.286315632984,
  "summary_gm_stdv": 49.32022777423208,
  "summary_wm_k": 0.34967250638892766,
  "summary_wm_mad": 28.239410308278412,
  "summary_wm_mean": 999.3304682468041,
  "summary_wm_median": 999.9999780971557,
  "summary_wm_n": 206292.0,
  "summary_wm_p05": 948.9168377704918,
  "summary_wm_p95": 1047.1931987665594,
  "summary_wm_stdv": 29.766897292306425,
  "tpm_overlap_csf": 0.14879411570727305,
  "tpm_overlap_gm": 0.4553463004160421,
  "tpm_overlap_wm": 0.4640869199534565,
  "wm2max": 0.8136867899056505
}