{
  "bids_meta": {
    "AcquisitionDateTime": "20110810125600",
    "CardiacTriggerDelayTimes": 0,
    "ConversionSoftware": "dicm2nii.m 20190112",
    "EchoTime": 0.00372,
    "EchoTimes": 0.00372,
    "FlipAngle": 8,
    "ImageType": [
      "PhilipsPAR",
      "ImageMRSERIES",
      "T1TFE"
    ],
    "MRAcquisitionType": "3D",
    "Manufacturer": "Philips",
    "PatientPosition": "HFS",
    "PhaseEncodingDirection": "j-",
    "RepetitionTime": 0.008125,
    "ScanningSequence": "T1TFE",
    "SeriesNumber": 3,
    "SliceThickness": 1,
    "SoftwareVersion": "V4.2\\PAR",
    "dataset": "ds003550",
    "modality": "T1w",
    "subject_id": "sc026"
  },
  "cjv": 0.3192099300158348,
  "cnr": 4.345205740983499,
  "efc": 0.7102092366867547,
  "fber": -1.0,
  "fwhm_avg": 4.713353333333333,
  "fwhm_x": 4.62151,
  "fwhm_y": 5.1399,
  "fwhm_z": 4.37865,
  "icvs_csf": 0.1793604764387097,
  "icvs_gm": 0.4405602373699489,
  "icvs_wm": 0.38007928619134135,
  "inu_med": 0.34436221420764923,
  "inu_range": 0.1079407006502151,
  "provenance": {
    "md5sum": "edfade4ab2498e675b3ed0e976b0af7b",
    "settings": {
      "testing": false
    },
    "software": "mriqc",
    "version": "22.0.6",
    "warnings": {
      "large_rot_frame": true,
      "small_air_mask": true
    },
    "webapi_port": null,
    "webapi_url": "https://mriqc.nimh.nih.gov/api/v1"
  },
  "qi_1": 0.004486866767658613,
  "qi_2": 1.681355339676982e-05,
  "rpve_csf": 27.285695202923034,
  "rpve_gm": 11.991154023649566,
  "rpve_wm": 16.041465564534523,
  "size_x": 160,
  "size_y": 256,
  "size_z": 256,
  "snr_csf": 2.485481950793651,
  "snr_gm": 13.646945766756673,
  "snr_total": 16.35328225524963,
  "snr_wm": 32.92741904819857,
  "snrd_csf": 97.46548463504172,
  "snrd_gm": 231.2082716168157,
  "snrd_total": 214.84231667516602,
  "snrd_wm": 315.8531937736406,
  "spacing_x": 1.0,
  "spacing_y": 1.0,
  "spacing_z": 1.0,
  "summary_bg_k": 96.19944106258782,
  "summary_bg_mad": 0.0,
  "summary_bg_mean": 0.43797087081364733,
  "summary_bg_median": 0.0,
  "summary_bg_n": 227189.0,
  "summary_bg_p05": 0.0,
  "summary_bg_p95": 4.422910809516907,
  "summary_bg_stdv": 2.0741801333586323,
  "summary_csf_k": -0.02190316374019252,
  "summary_csf_mad": 112.62364347474434,
  "summary_csf_mean": 311.0707082011059,
  "summary_csf_median": 308.5784455239773,
  "summary_csf_n": 23636.0,
  "summary_csf_p05": 80.03960754722357,
  "summary_csf_p95": 510.89143281430006,
  "summary_csf_stdv": 124.1497318598554,
  "summary_gm_k": -0.12036715968305955,
  "summary_gm_mad": 55.3505639625778,
  "summary_gm_mean": 733.4827908824382,
  "summary_gm_median": 732.0118431150913,
  "summary_gm_n": 52743.0,
  "summary_gm_p05": 648.2801102489233,
  "summary_gm_p95": 822.6010981500149,
  "summary_gm_stdv": 53.638734715541595,
  "summary_wm_k": 0.07707116169311101,
  "summary_wm_mad": 30.193926383463282,
  "summary_wm_mean": 999.1754510117862,
  "summary_wm_median": 1000.0000298917294,
  "summary_wm_n": 211747.0,
  "summary_wm_p05": 947.6086409389973,
  "summary_wm_p95": 1047.3452796936035,
  "summary_wm_stdv": 30.36975558626533,
  "tpm_overlap_csf": 0.14158967500601757,
  "tpm_overlap_gm": 0.47109395011620125,
  "tpm_overlap_wm": 0.514922703380782,
  "wm2max": 0.922648231731704
}