{
  "bids_meta": {
    "AcquisitionDateTime": "20110718184506",
    "CardiacTriggerDelayTimes": 0,
    "ConversionSoftware": "dicm2nii.m 20190112",
    "EchoTime": 0.0037,
    "EchoTimes": 0.0037,
    "FlipAngle": 8,
    "ImageType": [
      "PhilipsPAR",
      "ImageMRSERIES",
      "T1TFE"
    ],
    "MRAcquisitionType": "3D",
    "Manufacturer": "Philips",
    "PatientPosition": "HFS",
    "PhaseEncodingDirection": "j-",
    "RepetitionTime": 0.008087,
    "ScanningSequence": "T1TFE",
    "SeriesNumber": 3,
    "SliceThickness": 1,
    "SoftwareVersion": "V4.2\\PAR",
    "dataset": "ds003550",
    "modality": "T1w",
    "subject_id": "sc020"
  },
  "cjv": 0.3178305738688299,
  "cnr": 4.23244899175369,
  "efc": 0.6444562862480943,
  "fber": -1.0,
  "fwhm_avg": 4.836513333333333,
  "fwhm_x": 4.65026,
  "fwhm_y": 5.29846,
  "fwhm_z": 4.56082,
  "icvs_csf": 0.22778635568270875,
  "icvs_gm": 0.42210402990851037,
  "icvs_wm": 0.3501096144087809,
  "inu_med": 0.3776567876338959,
  "inu_range": 0.11124756187200546,
  "provenance": {
    "md5sum": "163f3b6b431f99b6b75a3de2634dc062",
    "settings": {
      "testing": false
    },
    "software": "mriqc",
    "version": "22.0.6",
    "warnings": {
      "large_rot_frame": true,
      "small_air_mask": false
    },
    "webapi_port": null,
    "webapi_url": "https://mriqc.nimh.nih.gov/api/v1"
  },
  "qi_1": 0.0028588342770503217,
  "qi_2": 7.022951218299338e-06,
  "rpve_csf": 25.371164561460734,
  "rpve_gm": 13.612741303099169,
  "rpve_wm": 19.03575219363549,
  "size_x": 160,
  "size_y": 256,
  "size_z": 256,
  "snr_csf": 2.463746457708629,
  "snr_gm": 13.048671903388046,
  "snr_total": 17.609097814917202,
  "snr_wm": 37.314875083654925,
  "snrd_csf": 64.14828482905837,
  "snrd_gm": 158.87282220809047,
  "snrd_total": 146.3399652837671,
  "snrd_wm": 215.99878881415245,
  "spacing_x": 1.0,
  "spacing_y": 1.0,
  "spacing_z": 1.0,
  "summary_bg_k": 39.74723888499701,
  "summary_bg_mad": 0.0,
  "summary_bg_mean": 1.1910653806988951,
  "summary_bg_median": 0.0,
  "summary_bg_n": 491328.0,
  "summary_bg_p05": 0.0,
  "summary_bg_p95": 7.838200308382511,
  "summary_bg_stdv": 3.032994403704469,
  "summary_csf_k": 0.006434830325406704,
  "summary_csf_mad": 96.6705088004838,
  "summary_csf_mean": 284.91587494020814,
  "summary_csf_median": 296.978444326669,
  "summary_csf_n": 51333.0,
  "summary_csf_p05": 57.7508851736784,
  "summary_csf_p95": 483.82408245503893,
  "summary_csf_stdv": 120.53819528280934,
  "summary_gm_k": -0.14195662499084527,
  "summary_gm_mad": 58.19498396491286,
  "summary_gm_mean": 735.6105686363974,
  "summary_gm_median": 735.5115372277796,
  "summary_gm_n": 39001.0,
  "summary_gm_p05": 644.4178414158523,
  "summary_gm_p95": 827.8642185814679,
  "summary_gm_stdv": 56.366051136825014,
  "summary_wm_k": 0.2907757619707607,
  "summary_wm_mad": 25.86109220168657,
  "summary_wm_mean": 999.6249961060641,
  "summary_wm_median": 999.9797258712351,
  "summary_wm_n": 170263.0,
  "summary_wm_p05": 954.737471241504,
  "summary_wm_p95": 1042.9476840384305,
  "summary_wm_stdv": 26.798342137051822,
  "tpm_overlap_csf": 0.1415065022636891,
  "tpm_overlap_gm": 0.47520986042991115,
  "tpm_overlap_wm": 0.50558641263568,
  "wm2max": 0.9282052248652316
}