{
  "bids_meta": {
    "AcquisitionDateTime": "20110414132250",
    "CardiacTriggerDelayTimes": 0,
    "ConversionSoftware": "dicm2nii.m 20190112",
    "EchoTime": 0.00372,
    "EchoTimes": 0.00372,
    "FlipAngle": 8,
    "ImageType": [
      "PhilipsPAR",
      "ImageMRSERIES",
      "T1TFE"
    ],
    "MRAcquisitionType": "3D",
    "Manufacturer": "Philips",
    "PatientPosition": "HFS",
    "PhaseEncodingDirection": "j-",
    "RepetitionTime": 0.008121,
    "ScanningSequence": "T1TFE",
    "SeriesNumber": 3,
    "SliceThickness": 1,
    "SoftwareVersion": "V4.2\\PAR",
    "dataset": "ds003550",
    "modality": "T1w",
    "subject_id": "sc010"
  },
  "cjv": 0.30763127999905465,
  "cnr": 4.453765358971929,
  "efc": 0.7631354520632847,
  "fber": -1.0,
  "fwhm_avg": 4.5808800000000005,
  "fwhm_x": 4.58856,
  "fwhm_y": 4.84832,
  "fwhm_z": 4.30576,
  "icvs_csf": 0.16492715517138934,
  "icvs_gm": 0.49745036274063664,
  "icvs_wm": 0.337622482087974,
  "inu_med": 0.4449494183063507,
  "inu_range": 0.20288710296154022,
  "provenance": {
    "md5sum": "ed40e3566f11100be1bd9beaa01ed17c",
    "settings": {
      "testing": false
    },
    "software": "mriqc",
    "version": "22.0.6",
    "warnings": {
      "large_rot_frame": true,
      "small_air_mask": true
    },
    "webapi_port": null,
    "webapi_url": "https://mriqc.nimh.nih.gov/api/v1"
  },
  "qi_1": 0.0014379801542849426,
  "qi_2": 1.4401671076264521e-05,
  "rpve_csf": 26.106890552377322,
  "rpve_gm": 10.02777802052474,
  "rpve_wm": 15.67890541832405,
  "size_x": 160,
  "size_y": 256,
  "size_z": 256,
  "snr_csf": 2.181905136052284,
  "snr_gm": 17.117018372415345,
  "snr_total": 15.24465471118925,
  "snr_wm": 26.43504062510012,
  "snrd_csf": 54.1534735790849,
  "snrd_gm": 128.23406261336535,
  "snrd_total": 118.32521165950125,
  "snrd_wm": 172.5880987860535,
  "spacing_x": 1.0,
  "spacing_y": 1.0,
  "spacing_z": 1.0,
  "summary_bg_k": 41.36286994157639,
  "summary_bg_mad": 0.0,
  "summary_bg_mean": 0.9708688164883214,
  "summary_bg_median": 0.0,
  "summary_bg_n": 173388.0,
  "summary_bg_p05": 0.0,
  "summary_bg_p95": 6.018730346113443,
  "summary_bg_stdv": 3.7960449371624723,
  "summary_csf_k": 7.942895897822934,
  "summary_csf_mad": 103.43985531561358,
  "summary_csf_mean": 324.32418734676645,
  "summary_csf_median": 313.78048786427826,
  "summary_csf_n": 22822.0,
  "summary_csf_p05": 92.81122942920774,
  "summary_csf_p95": 544.669817655813,
  "summary_csf_stdv": 143.8071747880559,
  "summary_gm_k": 0.11646898913870496,
  "summary_gm_mad": 43.11778648076646,
  "summary_gm_mean": 743.3677379334798,
  "summary_gm_median": 743.0242986883968,
  "summary_gm_n": 68623.0,
  "summary_gm_p05": 673.375551123172,
  "summary_gm_p95": 815.2948051923885,
  "summary_gm_stdv": 43.40819579023188,
  "summary_wm_k": 0.3112417445552196,
  "summary_wm_mad": 35.9433865779237,
  "summary_wm_mean": 999.928393472399,
  "summary_wm_median": 1000.0240844674408,
  "summary_wm_n": 188663.0,
  "summary_wm_p05": 937.5737383961678,
  "summary_wm_p95": 1062.426280695945,
  "summary_wm_stdv": 37.82938896724799,
  "tpm_overlap_csf": 0.13972091513465734,
  "tpm_overlap_gm": 0.4700149362379088,
  "tpm_overlap_wm": 0.4825966943170721,
  "wm2max": 0.8446288049777344
}