{
  "bids_meta": {
    "AcquisitionDateTime": "20110718155804",
    "CardiacTriggerDelayTimes": 0,
    "ConversionSoftware": "dicm2nii.m 20190112",
    "EchoTime": 0.00377,
    "EchoTimes": 0.00377,
    "FlipAngle": 8,
    "ImageType": [
      "PhilipsPAR",
      "ImageMRSERIES",
      "T1TFE"
    ],
    "MRAcquisitionType": "3D",
    "Manufacturer": "Philips",
    "PatientPosition": "HFS",
    "PhaseEncodingDirection": "j-",
    "RepetitionTime": 0.008199,
    "ScanningSequence": "T1TFE",
    "SeriesNumber": 3,
    "SliceThickness": 1,
    "SoftwareVersion": "V4.2\\PAR",
    "dataset": "ds003550",
    "modality": "T1w",
    "subject_id": "sc019"
  },
  "cjv": 0.3554165253976528,
  "cnr": 3.794396156073565,
  "efc": 0.7171757512504118,
  "fber": -1.0,
  "fwhm_avg": 4.690846666666666,
  "fwhm_x": 4.60651,
  "fwhm_y": 5.11143,
  "fwhm_z": 4.3546,
  "icvs_csf": 0.22923959121533877,
  "icvs_gm": 0.42571543254333344,
  "icvs_wm": 0.3450449762413278,
  "inu_med": 0.38150104880332947,
  "inu_range": 0.13187713027000425,
  "provenance": {
    "md5sum": "a0767f3132940ef1103c3233ea8c62eb",
    "settings": {
      "testing": false
    },
    "software": "mriqc",
    "version": "22.0.6",
    "warnings": {
      "large_rot_frame": true,
      "small_air_mask": false
    },
    "webapi_port": null,
    "webapi_url": "https://mriqc.nimh.nih.gov/api/v1"
  },
  "qi_1": 0.0010910413383440416,
  "qi_2": 1.4261404005090842e-05,
  "rpve_csf": 22.597972841017096,
  "rpve_gm": 12.339995634536777,
  "rpve_wm": 17.574177831090324,
  "size_x": 160,
  "size_y": 256,
  "size_z": 256,
  "snr_csf": 3.59020134294183,
  "snr_gm": 13.66804205979165,
  "snr_total": 16.608402520885978,
  "snr_wm": 32.56696415992445,
  "snrd_csf": 61.097555717187525,
  "snrd_gm": 158.98358206780784,
  "snrd_total": 143.18658691068342,
  "snrd_wm": 209.47862294705484,
  "spacing_x": 1.0,
  "spacing_y": 1.0,
  "spacing_z": 1.0,
  "summary_bg_k": 14.003308542213748,
  "summary_bg_mad": 0.0,
  "summary_bg_mean": 1.312271190781988,
  "summary_bg_median": 0.0,
  "summary_bg_n": 260921.0,
  "summary_bg_p05": 0.0,
  "summary_bg_p95": 8.916840959340334,
  "summary_bg_stdv": 3.127529269426039,
  "summary_csf_k": 2.753291443230027,
  "summary_csf_mad": 61.72586422255499,
  "summary_csf_mean": 297.9722025573855,
  "summary_csf_median": 291.67116007581353,
  "summary_csf_n": 55749.0,
  "summary_csf_p05": 198.50524883493782,
  "summary_csf_p95": 446.5786565680056,
  "summary_csf_stdv": 81.24016350941521,
  "summary_gm_k": 0.03340944554860581,
  "summary_gm_mad": 55.435126896200444,
  "summary_gm_mean": 758.2080876000181,
  "summary_gm_median": 758.9653181768954,
  "summary_gm_n": 38296.0,
  "summary_gm_p05": 666.5607845396735,
  "summary_gm_p95": 849.5121766142547,
  "summary_gm_stdv": 55.52773437437385,
  "summary_wm_k": 0.13283135083558895,
  "summary_wm_mad": 30.240244913998744,
  "summary_wm_mean": 1000.0300083699128,
  "summary_wm_median": 1000.0215597636998,
  "summary_wm_n": 184013.0,
  "summary_wm_p05": 949.5574091169983,
  "summary_wm_p95": 1050.3349425680935,
  "summary_wm_stdv": 30.706541684124154,
  "tpm_overlap_csf": 0.14838265341838872,
  "tpm_overlap_gm": 0.4670830610577866,
  "tpm_overlap_wm": 0.4973547642164055,
  "wm2max": 0.8705313621813328
}