{
  "bids_meta": {
    "AcquisitionDateTime": "20111003115248",
    "CardiacTriggerDelayTimes": 0,
    "ConversionSoftware": "dicm2nii.m 20190112",
    "EchoTime": 0.00378,
    "EchoTimes": 0.00378,
    "FlipAngle": 8,
    "ImageType": [
      "PhilipsPAR",
      "ImageMRSERIES",
      "T1TFE"
    ],
    "MRAcquisitionType": "3D",
    "Manufacturer": "Philips",
    "PatientPosition": "HFS",
    "PhaseEncodingDirection": "j-",
    "RepetitionTime": 0.008196,
    "ScanningSequence": "T1TFE",
    "SeriesNumber": 3,
    "SliceThickness": 1,
    "SoftwareVersion": "V4.2\\PAR",
    "dataset": "ds003550",
    "modality": "T1w",
    "subject_id": "sc034"
  },
  "cjv": 0.33517552238985165,
  "cnr": 4.093195928061576,
  "efc": 0.7279636088519221,
  "fber": -1.0,
  "fwhm_avg": 4.669076666666666,
  "fwhm_x": 4.54639,
  "fwhm_y": 5.03063,
  "fwhm_z": 4.43021,
  "icvs_csf": 0.20122295532241988,
  "icvs_gm": 0.4542021313694776,
  "icvs_wm": 0.3445749133081025,
  "inu_med": 0.3966328203678131,
  "inu_range": 0.14675696194171906,
  "provenance": {
    "md5sum": "40637e85cae3bdd96f2a62c3bfebde53",
    "settings": {
      "testing": false
    },
    "software": "mriqc",
    "version": "22.0.6",
    "warnings": {
      "large_rot_frame": true,
      "small_air_mask": false
    },
    "webapi_port": null,
    "webapi_url": "https://mriqc.nimh.nih.gov/api/v1"
  },
  "qi_1": 0.0007399360565148524,
  "qi_2": 2.8696927374915663e-06,
  "rpve_csf": 24.79803323967808,
  "rpve_gm": 11.79047526750543,
  "rpve_wm": 17.416066428244047,
  "size_x": 160,
  "size_y": 256,
  "size_z": 256,
  "snr_csf": 2.5302435996622097,
  "snr_gm": 15.28744432239564,
  "snr_total": 16.318951774067028,
  "snr_wm": 31.139167400143226,
  "snrd_csf": 73.97736684509329,
  "snrd_gm": 188.7120754237097,
  "snrd_total": 170.55365609521724,
  "snrd_wm": 248.97152601684869,
  "spacing_x": 1.0,
  "spacing_y": 1.0,
  "spacing_z": 1.0,
  "summary_bg_k": 39.126126333579116,
  "summary_bg_mad": 0.0,
  "summary_bg_mean": 0.6951346265953569,
  "summary_bg_median": 0.0,
  "summary_bg_n": 377032.0,
  "summary_bg_p05": 0.0,
  "summary_bg_p95": 4.933620393276215,
  "summary_bg_stdv": 2.6314298024028484,
  "summary_csf_k": 2.4194299117061995,
  "summary_csf_mad": 85.21504969491203,
  "summary_csf_mean": 302.53477141757804,
  "summary_csf_median": 297.1385009586811,
  "summary_csf_n": 32481.0,
  "summary_csf_p05": 76.82992485165596,
  "summary_csf_p95": 500.7624699175358,
  "summary_csf_stdv": 117.43293291109914,
  "summary_gm_k": 0.08777035805053712,
  "summary_gm_mad": 49.5397674777288,
  "summary_gm_mean": 757.270802339292,
  "summary_gm_median": 757.9834967851639,
  "summary_gm_n": 44067.0,
  "summary_gm_p05": 674.9416953474283,
  "summary_gm_p95": 837.6838916838169,
  "summary_gm_stdv": 49.58153111786818,
  "summary_wm_k": 0.21562141497204212,
  "summary_wm_mad": 31.585757787813666,
  "summary_wm_mean": 999.7165340632795,
  "summary_wm_median": 1000.0224281698465,
  "summary_wm_n": 177131.0,
  "summary_wm_p05": 947.1205622255802,
  "summary_wm_p95": 1052.0945488661528,
  "summary_wm_stdv": 32.11452613625002,
  "tpm_overlap_csf": 0.14035558485175723,
  "tpm_overlap_gm": 0.47897798742017295,
  "tpm_overlap_wm": 0.5006044686890748,
  "wm2max": 0.7999588046240651
}