{
  "bids_meta": {
    "AcquisitionDateTime": "20110926131941",
    "CardiacTriggerDelayTimes": 0,
    "ConversionSoftware": "dicm2nii.m 20190112",
    "EchoTime": 0.00374,
    "EchoTimes": 0.00374,
    "FlipAngle": 8,
    "ImageType": [
      "PhilipsPAR",
      "ImageMRSERIES",
      "T1TFE"
    ],
    "MRAcquisitionType": "3D",
    "Manufacturer": "Philips",
    "PatientPosition": "HFS",
    "PhaseEncodingDirection": "j-",
    "RepetitionTime": 0.008167,
    "ScanningSequence": "T1TFE",
    "SeriesNumber": 3,
    "SliceThickness": 1,
    "SoftwareVersion": "V4.2\\PAR",
    "dataset": "ds003550",
    "modality": "T1w",
    "subject_id": "sc030"
  },
  "cjv": 0.3720844770180709,
  "cnr": 3.6399295256893343,
  "efc": 0.7634747858693413,
  "fber": -1.0,
  "fwhm_avg": 4.802363333333333,
  "fwhm_x": 4.7999,
  "fwhm_y": 5.00575,
  "fwhm_z": 4.60144,
  "icvs_csf": 0.20395281464102386,
  "icvs_gm": 0.4305195861781841,
  "icvs_wm": 0.3655275991807921,
  "inu_med": 0.36765457689762115,
  "inu_range": 0.1390436664223671,
  "provenance": {
    "md5sum": "0452b29da7a825e1fa267313fa02f370",
    "settings": {
      "testing": false
    },
    "software": "mriqc",
    "version": "22.0.6",
    "warnings": {
      "large_rot_frame": true,
      "small_air_mask": true
    },
    "webapi_port": null,
    "webapi_url": "https://mriqc.nimh.nih.gov/api/v1"
  },
  "qi_1": 0.009130190258021151,
  "qi_2": 8.743032470391905e-06,
  "rpve_csf": 20.736921629444176,
  "rpve_gm": 10.302196683008656,
  "rpve_wm": 13.981175806299827,
  "size_x": 160,
  "size_y": 256,
  "size_z": 256,
  "snr_csf": 3.6274618444165285,
  "snr_gm": 14.479351727202143,
  "snr_total": 16.40589403037144,
  "snr_wm": 31.11086851949564,
  "snrd_csf": 175.5210672880761,
  "snrd_gm": 414.23213063177013,
  "snrd_total": 375.1845720004551,
  "snrd_wm": 535.800518081519,
  "spacing_x": 1.0,
  "spacing_y": 1.0,
  "spacing_z": 1.0,
  "summary_bg_k": 128.69295239763176,
  "summary_bg_mad": 0.0,
  "summary_bg_mean": 0.1603015334393551,
  "summary_bg_median": 0.0,
  "summary_bg_n": 163883.0,
  "summary_bg_p05": 0.0,
  "summary_bg_p95": 0.0,
  "summary_bg_stdv": 1.2227520157642733,
  "summary_csf_k": 4.0891540627526775,
  "summary_csf_mad": 59.5310022770979,
  "summary_csf_mean": 329.11786984101326,
  "summary_csf_median": 327.59397712536156,
  "summary_csf_n": 53362.0,
  "summary_csf_p05": 170.98807586543262,
  "summary_csf_p95": 472.11344996094704,
  "summary_csf_stdv": 90.30857431941294,
  "summary_gm_k": -0.040810814554871566,
  "summary_gm_mad": 53.29092524468909,
  "summary_gm_mean": 772.5148220596393,
  "summary_gm_median": 773.1262874789536,
  "summary_gm_n": 49472.0,
  "summary_gm_p05": 684.7850741352886,
  "summary_gm_p95": 860.7123803875409,
  "summary_gm_stdv": 53.3945502691718,
  "summary_wm_k": 0.5865109907173927,
  "summary_wm_mad": 31.13364637025355,
  "summary_wm_mean": 1000.8391345144988,
  "summary_wm_median": 1000.0225350502878,
  "summary_wm_n": 237591.0,
  "summary_wm_p05": 950.258860476315,
  "summary_wm_p95": 1054.332687355578,
  "summary_wm_stdv": 32.14376448272949,
  "tpm_overlap_csf": 0.162555978802736,
  "tpm_overlap_gm": 0.4660747006983306,
  "tpm_overlap_wm": 0.5047704566383597,
  "wm2max": 0.8829472230225732
}