{
  "bids_meta": {
    "AcquisitionDateTime": "20110923125015",
    "CardiacTriggerDelayTimes": 0,
    "ConversionSoftware": "dicm2nii.m 20190112",
    "EchoTime": 0.00376,
    "EchoTimes": 0.00376,
    "FlipAngle": 8,
    "ImageType": [
      "PhilipsPAR",
      "ImageMRSERIES",
      "T1TFE"
    ],
    "MRAcquisitionType": "3D",
    "Manufacturer": "Philips",
    "PatientPosition": "HFS",
    "PhaseEncodingDirection": "j-",
    "RepetitionTime": 0.008153,
    "ScanningSequence": "T1TFE",
    "SeriesNumber": 3,
    "SliceThickness": 1,
    "SoftwareVersion": "V4.2\\PAR",
    "dataset": "ds003550",
    "modality": "T1w",
    "subject_id": "sc029"
  },
  "cjv": 0.3173826253421685,
  "cnr": 4.252791851561723,
  "efc": 0.7329789411599363,
  "fber": -1.0,
  "fwhm_avg": 4.87169,
  "fwhm_x": 4.72333,
  "fwhm_y": 5.30292,
  "fwhm_z": 4.58882,
  "icvs_csf": 0.20382751306615554,
  "icvs_gm": 0.4416541619621117,
  "icvs_wm": 0.35451832497173275,
  "inu_med": 0.378953292965889,
  "inu_range": 0.13459275215864175,
  "provenance": {
    "md5sum": "99d640e4d777561cdee4a07329d04b4c",
    "settings": {
      "testing": false
    },
    "software": "mriqc",
    "version": "22.0.6",
    "warnings": {
      "large_rot_frame": true,
      "small_air_mask": true
    },
    "webapi_port": null,
    "webapi_url": "https://mriqc.nimh.nih.gov/api/v1"
  },
  "qi_1": 0.0,
  "qi_2": 1.8986938226862525e-05,
  "rpve_csf": 22.805419247991168,
  "rpve_gm": 11.174107393871239,
  "rpve_wm": 15.850917906175004,
  "size_x": 160,
  "size_y": 256,
  "size_z": 256,
  "snr_csf": 2.7034490157681295,
  "snr_gm": 15.355013310288475,
  "snr_total": 16.535609783005373,
  "snr_wm": 31.548367022959507,
  "snrd_csf": 76.42906216899348,
  "snrd_gm": 198.35588185827453,
  "snrd_total": 179.54883135304468,
  "snrd_wm": 263.861550031866,
  "spacing_x": 1.0,
  "spacing_y": 1.0,
  "spacing_z": 1.0,
  "summary_bg_k": 66.23369703958424,
  "summary_bg_mad": 0.0,
  "summary_bg_mean": 0.6281141350991577,
  "summary_bg_median": 0.0,
  "summary_bg_n": 169913.0,
  "summary_bg_p05": 0.0,
  "summary_bg_p95": 4.931074474006891,
  "summary_bg_stdv": 2.4829337566944645,
  "summary_csf_k": 1.3052735436776963,
  "summary_csf_mad": 88.44469938181481,
  "summary_csf_mean": 293.1842093919305,
  "summary_csf_median": 289.66227254644036,
  "summary_csf_n": 43688.0,
  "summary_csf_p05": 100.63227207120507,
  "summary_csf_p95": 479.1755183201284,
  "summary_csf_stdv": 107.14422787854677,
  "summary_gm_k": 0.2893949213140816,
  "summary_gm_mad": 47.40661880898891,
  "summary_gm_mean": 750.90982132823,
  "summary_gm_median": 751.7587404772639,
  "summary_gm_n": 51559.0,
  "summary_gm_p05": 669.834964960441,
  "summary_gm_p95": 830.0642031244934,
  "summary_gm_stdv": 48.95804614259955,
  "summary_wm_k": 0.11404671385501564,
  "summary_wm_mad": 31.387795592517673,
  "summary_wm_mean": 999.6836106358714,
  "summary_wm_median": 1000.0219033285975,
  "summary_wm_n": 217824.0,
  "summary_wm_p05": 947.0292896479368,
  "summary_wm_p95": 1051.12975076586,
  "summary_wm_stdv": 31.697983198836937,
  "tpm_overlap_csf": 0.14427586230221282,
  "tpm_overlap_gm": 0.4712725828869002,
  "tpm_overlap_wm": 0.5111472168118287,
  "wm2max": 0.8557122496436876
}