{
  "bids_meta": {
    "AcquisitionDateTime": "20110414153047",
    "CardiacTriggerDelayTimes": 0,
    "ConversionSoftware": "dicm2nii.m 20190112",
    "EchoTime": 0.00392,
    "EchoTimes": 0.00392,
    "FlipAngle": 8,
    "ImageType": [
      "PhilipsPAR",
      "ImageMRSERIES",
      "T1TFE"
    ],
    "MRAcquisitionType": "3D",
    "Manufacturer": "Philips",
    "PatientPosition": "HFS",
    "PhaseEncodingDirection": "j-",
    "RepetitionTime": 0.008376,
    "ScanningSequence": "T1TFE",
    "SeriesNumber": 4,
    "SliceThickness": 1,
    "SoftwareVersion": "V4.2\\PAR",
    "dataset": "ds003550",
    "modality": "T1w",
    "subject_id": "sc009"
  },
  "cjv": 0.3959785458002787,
  "cnr": 3.494731955790341,
  "efc": 0.783973397903196,
  "fber": -1.0,
  "fwhm_avg": 4.768596666666667,
  "fwhm_x": 4.64392,
  "fwhm_y": 5.10428,
  "fwhm_z": 4.55759,
  "icvs_csf": 0.19737614888481822,
  "icvs_gm": 0.4283182040126323,
  "icvs_wm": 0.3743056471025495,
  "inu_med": 0.3909759670495987,
  "inu_range": 0.16582731902599335,
  "provenance": {
    "md5sum": "550e64e5c56b968caef7159cbc83c75b",
    "settings": {
      "testing": false
    },
    "software": "mriqc",
    "version": "22.0.6",
    "warnings": {
      "large_rot_frame": true,
      "small_air_mask": true
    },
    "webapi_port": null,
    "webapi_url": "https://mriqc.nimh.nih.gov/api/v1"
  },
  "qi_1": 1.8803809114474903e-05,
  "qi_2": 1.713063687076971e-05,
  "rpve_csf": 20.289746581998852,
  "rpve_gm": 9.879167030229576,
  "rpve_wm": 13.026231526476002,
  "size_x": 160,
  "size_y": 256,
  "size_z": 256,
  "snr_csf": 3.437507128753187,
  "snr_gm": 15.346389053864131,
  "snr_total": 15.191644441495972,
  "snr_wm": 26.7910371418706,
  "snrd_csf": 45.86426639937511,
  "snrd_gm": 104.61698045279122,
  "snrd_total": 94.91865672590727,
  "snrd_wm": 134.27472332555547,
  "spacing_x": 1.0,
  "spacing_y": 1.0,
  "spacing_z": 1.0,
  "summary_bg_k": 26.458626085083978,
  "summary_bg_mad": 0.0,
  "summary_bg_mean": 1.5355397758450842,
  "summary_bg_median": 0.0,
  "summary_bg_n": 176815.0,
  "summary_bg_p05": 0.0,
  "summary_bg_p95": 10.030041553080082,
  "summary_bg_stdv": 4.879192808454054,
  "summary_csf_k": 3.50920979337754,
  "summary_csf_mad": 65.48075910067807,
  "summary_csf_mean": 349.4036328527096,
  "summary_csf_median": 341.57863733544946,
  "summary_csf_n": 47606.0,
  "summary_csf_p05": 185.53154157847166,
  "summary_csf_p95": 521.9255680628121,
  "summary_csf_stdv": 99.36708113295418,
  "summary_gm_k": -0.029310653623236593,
  "summary_gm_mad": 51.25674341013034,
  "summary_gm_mean": 778.983476435121,
  "summary_gm_median": 779.1452568769455,
  "summary_gm_n": 34326.0,
  "summary_gm_p05": 696.3126190267503,
  "summary_gm_p95": 863.2316499212757,
  "summary_gm_stdv": 50.76985242977526,
  "summary_wm_k": 0.4710246415054029,
  "summary_wm_mad": 36.206585394121504,
  "summary_wm_mean": 1002.3533972595366,
  "summary_wm_median": 1000.024215426296,
  "summary_wm_n": 251826.0,
  "summary_wm_p05": 945.5615743361413,
  "summary_wm_p95": 1066.909329478629,
  "summary_wm_stdv": 37.326745679264086,
  "tpm_overlap_csf": 0.16104832240634354,
  "tpm_overlap_gm": 0.4464026539017666,
  "tpm_overlap_wm": 0.5000971738542972,
  "wm2max": 0.8126513495954167
}