{
  "bids_meta": {
    "AcquisitionDateTime": "20111007110911",
    "CardiacTriggerDelayTimes": 0,
    "ConversionSoftware": "dicm2nii.m 20190112",
    "EchoTime": 0.00368,
    "EchoTimes": 0.00368,
    "FlipAngle": 8,
    "ImageType": [
      "PhilipsPAR",
      "ImageMRSERIES",
      "T1TFE"
    ],
    "MRAcquisitionType": "3D",
    "Manufacturer": "Philips",
    "PatientPosition": "HFS",
    "PhaseEncodingDirection": "j-",
    "RepetitionTime": 0.008054,
    "ScanningSequence": "T1TFE",
    "SeriesNumber": 3,
    "SliceThickness": 1,
    "SoftwareVersion": "V4.2\\PAR",
    "dataset": "ds003550",
    "modality": "T1w",
    "subject_id": "sc002"
  },
  "cjv": 0.3262360041476269,
  "cnr": 4.06278167476021,
  "efc": 0.7429211698517716,
  "fber": -1.0,
  "fwhm_avg": 4.844086666666667,
  "fwhm_x": 4.75894,
  "fwhm_y": 5.25924,
  "fwhm_z": 4.51408,
  "icvs_csf": 0.23376097983486557,
  "icvs_gm": 0.4069431811371335,
  "icvs_wm": 0.3592958390280009,
  "inu_med": 0.3937406837940216,
  "inu_range": 0.13228783756494522,
  "provenance": {
    "md5sum": "e1855f2292a3d022f4bc34d0390bf125",
    "settings": {
      "testing": false
    },
    "software": "mriqc",
    "version": "22.0.6",
    "warnings": {
      "large_rot_frame": true,
      "small_air_mask": true
    },
    "webapi_port": null,
    "webapi_url": "https://mriqc.nimh.nih.gov/api/v1"
  },
  "qi_1": 0.001067047285110445,
  "qi_2": 1.5023118558755327e-05,
  "rpve_csf": 20.666567376393537,
  "rpve_gm": 11.790591454286549,
  "rpve_wm": 15.870164154308098,
  "size_x": 160,
  "size_y": 256,
  "size_z": 256,
  "snr_csf": 2.5267243345882147,
  "snr_gm": 14.125606191807142,
  "snr_total": 16.686184516890876,
  "snr_wm": 33.40622302427727,
  "snrd_csf": 96.89410047136539,
  "snrd_gm": 246.79726855367235,
  "snrd_total": 223.99060404600144,
  "snrd_wm": 328.2804431129666,
  "spacing_x": 1.0,
  "spacing_y": 1.0,
  "spacing_z": 1.0,
  "summary_bg_k": 54.16218636472804,
  "summary_bg_mad": 0.0,
  "summary_bg_mean": 0.4653234155428724,
  "summary_bg_median": 0.0,
  "summary_bg_n": 237079.0,
  "summary_bg_p05": 0.0,
  "summary_bg_p95": 4.608006624504924,
  "summary_bg_stdv": 1.9957023545505543,
  "summary_csf_k": 0.006464695751227545,
  "summary_csf_mad": 111.13333862237258,
  "summary_csf_mean": 309.23409578091605,
  "summary_csf_median": 295.16263247281313,
  "summary_csf_n": 50885.0,
  "summary_csf_p05": 123.44453583583237,
  "summary_csf_p95": 511.5679680131375,
  "summary_csf_stdv": 116.81516979393619,
  "summary_gm_k": 0.12345572369236502,
  "summary_gm_mad": 51.88798577959732,
  "summary_gm_mean": 752.3111205282665,
  "summary_gm_median": 751.8035785360262,
  "summary_gm_n": 26648.0,
  "summary_gm_p05": 664.8050389866345,
  "summary_gm_p95": 840.2199662775731,
  "summary_gm_stdv": 53.22174935389974,
  "summary_wm_k": 0.27787547243065935,
  "summary_wm_mad": 29.08942187584217,
  "summary_wm_mean": 999.8080805785997,
  "summary_wm_median": 1000.0208403524011,
  "summary_wm_n": 223903.0,
  "summary_wm_p05": 950.6255114227533,
  "summary_wm_p95": 1048.8949015643448,
  "summary_wm_stdv": 29.93509941147052,
  "tpm_overlap_csf": 0.1422252567396898,
  "tpm_overlap_gm": 0.46189508958879744,
  "tpm_overlap_wm": 0.5129791421473131,
  "wm2max": 0.9139759860103575
}