{
  "bids_meta": {
    "AcquisitionDateTime": "20110719112856",
    "CardiacTriggerDelayTimes": 0,
    "ConversionSoftware": "dicm2nii.m 20190112",
    "EchoTime": 0.00375,
    "EchoTimes": 0.00375,
    "FlipAngle": 8,
    "ImageType": [
      "PhilipsPAR",
      "ImageMRSERIES",
      "T1TFE"
    ],
    "MRAcquisitionType": "3D",
    "Manufacturer": "Philips",
    "PatientPosition": "HFS",
    "PhaseEncodingDirection": "j-",
    "RepetitionTime": 0.008163,
    "ScanningSequence": "T1TFE",
    "SeriesNumber": 3,
    "SliceThickness": 1,
    "SoftwareVersion": "V4.2\\PAR",
    "dataset": "ds003550",
    "modality": "T1w",
    "subject_id": "sc021"
  },
  "cjv": 0.37485416616050493,
  "cnr": 3.6145004551586046,
  "efc": 0.7808135972802693,
  "fber": -1.0,
  "fwhm_avg": 4.609466666666666,
  "fwhm_x": 4.5047,
  "fwhm_y": 4.98004,
  "fwhm_z": 4.34366,
  "icvs_csf": 0.2300371724980227,
  "icvs_gm": 0.42240390635582475,
  "icvs_wm": 0.34755892114615256,
  "inu_med": 0.3765072822570801,
  "inu_range": 0.1353720247745514,
  "provenance": {
    "md5sum": "ad55ab047f12cf3b47a1ed43a4d8b9a7",
    "settings": {
      "testing": false
    },
    "software": "mriqc",
    "version": "22.0.6",
    "warnings": {
      "large_rot_frame": true,
      "small_air_mask": true
    },
    "webapi_port": null,
    "webapi_url": "https://mriqc.nimh.nih.gov/api/v1"
  },
  "qi_1": 0.00018513073496901784,
  "qi_2": 3.310441934799847e-06,
  "rpve_csf": 18.446893467497205,
  "rpve_gm": 10.208412543763762,
  "rpve_wm": 14.453021943660797,
  "size_x": 160,
  "size_y": 256,
  "size_z": 256,
  "snr_csf": 3.684384659624785,
  "snr_gm": 15.511118947672568,
  "snr_total": 16.762321257289656,
  "snr_wm": 31.09146016457161,
  "snrd_csf": 132.96451102955803,
  "snrd_gm": 309.7813894335727,
  "snrd_total": 279.37957552964815,
  "snrd_wm": 395.3928261258137,
  "spacing_x": 1.0,
  "spacing_y": 1.0,
  "spacing_z": 1.0,
  "summary_bg_k": 105.20618725555522,
  "summary_bg_mad": 0.0,
  "summary_bg_mean": 0.26390888442270216,
  "summary_bg_median": 0.0,
  "summary_bg_n": 182918.0,
  "summary_bg_p05": 0.0,
  "summary_bg_p95": 0.0,
  "summary_bg_stdv": 1.6569627415115757,
  "summary_csf_k": 2.5993101253321447,
  "summary_csf_mad": 66.40262480318879,
  "summary_csf_mean": 341.19188263620214,
  "summary_csf_median": 336.2921686526388,
  "summary_csf_n": 58497.0,
  "summary_csf_p05": 205.24929143786431,
  "summary_csf_p95": 496.4111276563256,
  "summary_csf_stdv": 91.27420865853748,
  "summary_gm_k": 0.0621367676888025,
  "summary_gm_mad": 49.83537032512962,
  "summary_gm_mean": 781.7968518702396,
  "summary_gm_median": 783.4951932225376,
  "summary_gm_n": 36172.0,
  "summary_gm_p05": 695.8569178786129,
  "summary_gm_p95": 862.5149538536556,
  "summary_gm_stdv": 50.511144015921225,
  "summary_wm_k": 0.44357486555911096,
  "summary_wm_mad": 31.330815928265135,
  "summary_wm_mean": 1000.5529146518465,
  "summary_wm_median": 1000.0225619450212,
  "summary_wm_n": 220521.0,
  "summary_wm_p05": 949.3545719068497,
  "summary_wm_p95": 1053.9572743289173,
  "summary_wm_stdv": 32.16382534754832,
  "tpm_overlap_csf": 0.15232599195575328,
  "tpm_overlap_gm": 0.4561827895227614,
  "tpm_overlap_wm": 0.4984605569662589,
  "wm2max": 0.8829349195927045
}