{
  "bids_meta": {
    "AcquisitionDateTime": "20110418191618",
    "CardiacTriggerDelayTimes": 0,
    "ConversionSoftware": "dicm2nii.m 20190112",
    "EchoTime": 0.00374,
    "EchoTimes": 0.00374,
    "FlipAngle": 8,
    "ImageType": [
      "PhilipsPAR",
      "ImageMRSERIES",
      "T1TFE"
    ],
    "MRAcquisitionType": "3D",
    "Manufacturer": "Philips",
    "PatientPosition": "HFS",
    "PhaseEncodingDirection": "j-",
    "RepetitionTime": 0.008144,
    "ScanningSequence": "T1TFE",
    "SeriesNumber": 3,
    "SliceThickness": 1,
    "SoftwareVersion": "V4.2\\PAR",
    "dataset": "ds003550",
    "modality": "T1w",
    "subject_id": "sc001"
  },
  "cjv": 0.3283995503525814,
  "cnr": 4.146790683822765,
  "efc": 0.7393718150321459,
  "fber": -1.0,
  "fwhm_avg": 4.670136666666667,
  "fwhm_x": 4.59302,
  "fwhm_y": 4.95338,
  "fwhm_z": 4.46401,
  "icvs_csf": 0.19313697111067601,
  "icvs_gm": 0.4466812131625674,
  "icvs_wm": 0.36018181572675656,
  "inu_med": 0.3738518953323364,
  "inu_range": 0.13131461739540096,
  "provenance": {
    "md5sum": "0ec7786a90ddebec6104955d83c85fa4",
    "settings": {
      "testing": false
    },
    "software": "mriqc",
    "version": "22.0.6",
    "warnings": {
      "large_rot_frame": true,
      "small_air_mask": true
    },
    "webapi_port": null,
    "webapi_url": "https://mriqc.nimh.nih.gov/api/v1"
  },
  "qi_1": 0.0012975491265857617,
  "qi_2": 8.357297374882968e-06,
  "rpve_csf": 24.664006785539975,
  "rpve_gm": 11.44846918876755,
  "rpve_wm": 16.288467978954156,
  "size_x": 160,
  "size_y": 256,
  "size_z": 256,
  "snr_csf": 2.7472443825078217,
  "snr_gm": 14.485510174070361,
  "snr_total": 16.377406856838086,
  "snr_wm": 31.89946601393607,
  "snrd_csf": 70.01762597469428,
  "snrd_gm": 158.31587833939017,
  "snrd_total": 146.5732457347474,
  "snrd_wm": 211.38623289015771,
  "spacing_x": 1.0,
  "spacing_y": 1.0,
  "spacing_z": 1.0,
  "summary_bg_k": 58.31768917657188,
  "summary_bg_mad": 0.0,
  "summary_bg_mean": 0.8170342891281083,
  "summary_bg_median": 0.0,
  "summary_bg_n": 207664.0,
  "summary_bg_p05": 0.0,
  "summary_bg_p95": 5.059623397886753,
  "summary_bg_stdv": 3.099307860537275,
  "summary_csf_k": 0.8407193961811465,
  "summary_csf_mad": 96.82435243309945,
  "summary_csf_mean": 330.08362862810696,
  "summary_csf_median": 331.23816438764334,
  "summary_csf_n": 22919.0,
  "summary_csf_p05": 98.59356008023025,
  "summary_csf_p95": 532.446236358583,
  "summary_csf_stdv": 120.56842854574309,
  "summary_gm_k": 0.026608114563416496,
  "summary_gm_mad": 51.84894504011366,
  "summary_gm_mean": 749.8049054558056,
  "summary_gm_median": 748.9579974263906,
  "summary_gm_n": 41476.0,
  "summary_gm_p05": 665.5299340859056,
  "summary_gm_p95": 835.8910201471299,
  "summary_gm_stdv": 51.70332004604192,
  "summary_wm_k": 0.34879866484144983,
  "summary_wm_mad": 30.60046087134815,
  "summary_wm_mean": 1000.4104739826537,
  "summary_wm_median": 1000.0223055928946,
  "summary_wm_n": 197199.0,
  "summary_wm_p05": 950.094744309783,
  "summary_wm_p95": 1052.290221311152,
  "summary_wm_stdv": 31.3491068968498,
  "tpm_overlap_csf": 0.14743463617004876,
  "tpm_overlap_gm": 0.47557381954782146,
  "tpm_overlap_wm": 0.5136675133320585,
  "wm2max": 0.8243940980835308
}