{
  "bids_meta": {
    "AcquisitionDateTime": "20110714182515",
    "CardiacTriggerDelayTimes": 0,
    "ConversionSoftware": "dicm2nii.m 20190112",
    "EchoTime": 0.00379,
    "EchoTimes": 0.00379,
    "FlipAngle": 8,
    "ImageType": [
      "PhilipsPAR",
      "ImageMRSERIES",
      "T1TFE"
    ],
    "MRAcquisitionType": "3D",
    "Manufacturer": "Philips",
    "PatientPosition": "HFS",
    "PhaseEncodingDirection": "j-",
    "RepetitionTime": 0.008201,
    "ScanningSequence": "T1TFE",
    "SeriesNumber": 4,
    "SliceThickness": 1,
    "SoftwareVersion": "V4.2\\PAR",
    "dataset": "ds003550",
    "modality": "T1w",
    "subject_id": "sc018"
  },
  "cjv": 0.33773192280619574,
  "cnr": 3.631727639628459,
  "efc": 0.6990159373979882,
  "fber": -1.0,
  "fwhm_avg": 4.82732,
  "fwhm_x": 4.65326,
  "fwhm_y": 5.2305,
  "fwhm_z": 4.5982,
  "icvs_csf": 0.21274675740597185,
  "icvs_gm": 0.41889726424574814,
  "icvs_wm": 0.36835597834828,
  "inu_med": 0.3411584496498108,
  "inu_range": 0.11436579972505567,
  "provenance": {
    "md5sum": "d6d4be03bab7403b45772a3d220703ab",
    "settings": {
      "testing": false
    },
    "software": "mriqc",
    "version": "22.0.6",
    "warnings": {
      "large_rot_frame": true,
      "small_air_mask": false
    },
    "webapi_port": null,
    "webapi_url": "https://mriqc.nimh.nih.gov/api/v1"
  },
  "qi_1": 0.002261727899428966,
  "qi_2": 1.0729667893945616e-06,
  "rpve_csf": 22.976332705382,
  "rpve_gm": 11.79074681878417,
  "rpve_wm": 15.551993700721518,
  "size_x": 160,
  "size_y": 256,
  "size_z": 256,
  "snr_csf": 2.928589893809696,
  "snr_gm": 13.288180279083695,
  "snr_total": 16.30545332437978,
  "snr_wm": 32.69958980024595,
  "snrd_csf": 6.434766139850297,
  "snrd_gm": 15.544369372077606,
  "snrd_total": 14.306538056864158,
  "snrd_wm": 20.940478658664574,
  "spacing_x": 1.0,
  "spacing_y": 1.0,
  "spacing_z": 1.0,
  "summary_bg_k": 38.450199324135696,
  "summary_bg_mad": 0.0,
  "summary_bg_mean": 9.346645486481195,
  "summary_bg_median": 0.0,
  "summary_bg_n": 616472.0,
  "summary_bg_p05": 0.0,
  "summary_bg_p95": 53.764565251767635,
  "summary_bg_stdv": 31.286300184156914,
  "summary_csf_k": 0.8272143508459271,
  "summary_csf_mad": 85.66656139789721,
  "summary_csf_mean": 318.38915822547943,
  "summary_csf_median": 307.29482450708747,
  "summary_csf_n": 50189.0,
  "summary_csf_p05": 144.73337285518647,
  "summary_csf_p95": 510.26547236144535,
  "summary_csf_stdv": 104.92823312855543,
  "summary_gm_k": -0.07391369194990993,
  "summary_gm_mad": 56.72850861576901,
  "summary_gm_mean": 744.3022882309036,
  "summary_gm_median": 742.3275616317987,
  "summary_gm_n": 40865.0,
  "summary_gm_p05": 655.9318800844252,
  "summary_gm_p95": 838.869474364817,
  "summary_gm_stdv": 55.86306501749902,
  "summary_wm_k": 0.2020456206650536,
  "summary_wm_mad": 30.30276266681592,
  "summary_wm_mean": 999.5438228698259,
  "summary_wm_median": 1000.020913682878,
  "summary_wm_n": 218859.0,
  "summary_wm_p05": 948.6809838835151,
  "summary_wm_p95": 1048.6600631810725,
  "summary_wm_stdv": 30.581993082037183,
  "tpm_overlap_csf": 0.141197343405974,
  "tpm_overlap_gm": 0.46880905528041134,
  "tpm_overlap_wm": 0.5180114471521698,
  "wm2max": 0.8923924218107194
}