{
  "bids_meta": {
    "AcquisitionDateTime": "20110711171958",
    "CardiacTriggerDelayTimes": 0,
    "ConversionSoftware": "dicm2nii.m 20190112",
    "EchoTime": 0.00372,
    "EchoTimes": 0.00372,
    "FlipAngle": 8,
    "ImageType": [
      "PhilipsPAR",
      "ImageMRSERIES",
      "T1TFE"
    ],
    "MRAcquisitionType": "3D",
    "Manufacturer": "Philips",
    "PatientPosition": "HFS",
    "PhaseEncodingDirection": "j-",
    "RepetitionTime": 0.008124,
    "ScanningSequence": "T1TFE",
    "SeriesNumber": 3,
    "SliceThickness": 1,
    "SoftwareVersion": "V4.2\\PAR",
    "dataset": "ds003550",
    "modality": "T1w",
    "subject_id": "sc004"
  },
  "cjv": 0.32755330818832357,
  "cnr": 4.2055519042776615,
  "efc": 0.7252278479177062,
  "fber": -1.0,
  "fwhm_avg": 4.850643333333333,
  "fwhm_x": 4.78305,
  "fwhm_y": 5.35495,
  "fwhm_z": 4.41393,
  "icvs_csf": 0.22286652992441605,
  "icvs_gm": 0.45328610644397893,
  "icvs_wm": 0.32384736363160505,
  "inu_med": 0.4765896499156952,
  "inu_range": 0.24166605472564695,
  "provenance": {
    "md5sum": "465eb20e11f3813ae007f4f733f193c2",
    "settings": {
      "testing": false
    },
    "software": "mriqc",
    "version": "22.0.6",
    "warnings": {
      "large_rot_frame": true,
      "small_air_mask": false
    },
    "webapi_port": null,
    "webapi_url": "https://mriqc.nimh.nih.gov/api/v1"
  },
  "qi_1": 1.0319019870009833e-05,
  "qi_2": 1.0728712213227192e-05,
  "rpve_csf": 22.234831319100227,
  "rpve_gm": 11.384905980495414,
  "rpve_wm": 17.517949848832746,
  "size_x": 160,
  "size_y": 256,
  "size_z": 256,
  "snr_csf": 2.878846514861794,
  "snr_gm": 16.07592383100004,
  "snr_total": 15.67023459554351,
  "snr_wm": 28.055933440768694,
  "snrd_csf": 38.76098261664426,
  "snrd_gm": 95.73546900609271,
  "snrd_total": 87.280753068231,
  "snrd_wm": 127.34580758195601,
  "spacing_x": 1.0,
  "spacing_y": 1.0,
  "spacing_z": 1.0,
  "summary_bg_k": 17.738981561810373,
  "summary_bg_mad": 0.0,
  "summary_bg_mean": 2.869817527144244,
  "summary_bg_median": 0.0,
  "summary_bg_n": 419324.0,
  "summary_bg_p05": 0.0,
  "summary_bg_p95": 11.91667839884758,
  "summary_bg_stdv": 5.144546195094416,
  "summary_csf_k": 0.39560176502663547,
  "summary_csf_mad": 100.22882710524405,
  "summary_csf_mean": 305.4936300665593,
  "summary_csf_median": 304.3757996633649,
  "summary_csf_n": 53920.0,
  "summary_csf_p05": 143.1157325666398,
  "summary_csf_p95": 495.06767906956367,
  "summary_csf_stdv": 105.72740700245475,
  "summary_gm_k": 0.051311046267929594,
  "summary_gm_mad": 46.8547240407381,
  "summary_gm_mean": 751.6969161188197,
  "summary_gm_median": 751.7755734696984,
  "summary_gm_n": 45547.0,
  "summary_gm_p05": 675.0869813017547,
  "summary_gm_p95": 828.1853153631091,
  "summary_gm_stdv": 46.763553285161976,
  "summary_wm_k": 0.23814840035725204,
  "summary_wm_mad": 34.45200297113095,
  "summary_wm_mean": 999.1394821958038,
  "summary_wm_median": 999.9999845176935,
  "summary_wm_n": 163648.0,
  "summary_wm_p05": 938.4860906228423,
  "summary_wm_p95": 1055.793872781098,
  "summary_wm_stdv": 35.642974819781564,
  "tpm_overlap_csf": 0.1687381234023928,
  "tpm_overlap_gm": 0.49221091592556443,
  "tpm_overlap_wm": 0.5041058999799543,
  "wm2max": 0.8192521722151713
}