{
  "bids_meta": {
    "AcquisitionDateTime": "20110427110528",
    "CardiacTriggerDelayTimes": 0,
    "ConversionSoftware": "dicm2nii.m 20190112",
    "EchoTime": 0.00374,
    "EchoTimes": 0.00374,
    "FlipAngle": 8,
    "ImageType": [
      "PhilipsPAR",
      "ImageMRSERIES",
      "T1TFE"
    ],
    "MRAcquisitionType": "3D",
    "Manufacturer": "Philips",
    "PatientPosition": "HFS",
    "PhaseEncodingDirection": "j-",
    "RepetitionTime": 0.008155,
    "ScanningSequence": "T1TFE",
    "SeriesNumber": 3,
    "SliceThickness": 1,
    "SoftwareVersion": "V4.2\\PAR",
    "dataset": "ds003550",
    "modality": "T1w",
    "subject_id": "sc003"
  },
  "cjv": 0.3518249543635154,
  "cnr": 3.8847248646467434,
  "efc": 0.7230046209889474,
  "fber": -1.0,
  "fwhm_avg": 4.739373333333333,
  "fwhm_x": 4.6853,
  "fwhm_y": 5.1008,
  "fwhm_z": 4.43202,
  "icvs_csf": 0.21361588839939072,
  "icvs_gm": 0.4325058878496431,
  "icvs_wm": 0.35387822375096617,
  "inu_med": 0.39210978150367737,
  "inu_range": 0.1348263561725616,
  "provenance": {
    "md5sum": "235edca3f28abc7355f1c37d1122529b",
    "settings": {
      "testing": false
    },
    "software": "mriqc",
    "version": "22.0.6",
    "warnings": {
      "large_rot_frame": true,
      "small_air_mask": false
    },
    "webapi_port": null,
    "webapi_url": "https://mriqc.nimh.nih.gov/api/v1"
  },
  "qi_1": 0.0013567660539439421,
  "qi_2": 2.1413878830228808e-05,
  "rpve_csf": 23.919576427890522,
  "rpve_gm": 12.280693088117946,
  "rpve_wm": 17.346380309443028,
  "size_x": 160,
  "size_y": 256,
  "size_z": 256,
  "snr_csf": 2.6882331293208357,
  "snr_gm": 14.764468099824562,
  "snr_total": 16.44849109615172,
  "snr_wm": 31.892772059309763,
  "snrd_csf": 57.96619069352628,
  "snrd_gm": 151.36532150793076,
  "snrd_total": 135.77494352109315,
  "snrd_wm": 197.9933183618224,
  "spacing_x": 1.0,
  "spacing_y": 1.0,
  "spacing_z": 1.0,
  "summary_bg_k": 14.613999744904891,
  "summary_bg_mad": 0.0,
  "summary_bg_mean": 1.4538715457531277,
  "summary_bg_median": 0.0,
  "summary_bg_n": 278506.0,
  "summary_bg_p05": 0.0,
  "summary_bg_p95": 9.310782887041569,
  "summary_bg_stdv": 3.308953813599394,
  "summary_csf_k": 1.287851501832943,
  "summary_csf_mad": 93.8035131958778,
  "summary_csf_mean": 303.378776088001,
  "summary_csf_median": 292.7748294174671,
  "summary_csf_n": 37255.0,
  "summary_csf_p05": 118.86474049463868,
  "summary_csf_p95": 499.1740736849605,
  "summary_csf_stdv": 108.90829997657647,
  "summary_gm_k": -0.008923799291460366,
  "summary_gm_mad": 52.84567727482451,
  "summary_gm_mean": 764.7958153822003,
  "summary_gm_median": 764.5138597860932,
  "summary_gm_n": 33730.0,
  "summary_gm_p05": 680.5295027587563,
  "summary_gm_p95": 848.5080752894282,
  "summary_gm_stdv": 51.77988950811997,
  "summary_wm_k": 0.24335034418463675,
  "summary_wm_mad": 30.01192735214373,
  "summary_wm_mean": 1000.6527512681122,
  "summary_wm_median": 1000.0218975171447,
  "summary_wm_n": 191782.0,
  "summary_wm_p05": 949.8532085493207,
  "summary_wm_p95": 1054.1558846086264,
  "summary_wm_stdv": 31.35567170110259,
  "tpm_overlap_csf": 0.1497773972783092,
  "tpm_overlap_gm": 0.47365091186057684,
  "tpm_overlap_wm": 0.5147027504946223,
  "wm2max": 0.8076256192498231
}