{
  "bids_meta": {
    "AcquisitionDateTime": "20111003130747",
    "CardiacTriggerDelayTimes": 0,
    "ConversionSoftware": "dicm2nii.m 20190112",
    "EchoTime": 0.00385,
    "EchoTimes": 0.00385,
    "FlipAngle": 8,
    "ImageType": [
      "PhilipsPAR",
      "ImageMRSERIES",
      "T1TFE"
    ],
    "MRAcquisitionType": "3D",
    "Manufacturer": "Philips",
    "PatientPosition": "HFS",
    "PhaseEncodingDirection": "j-",
    "RepetitionTime": 0.008304,
    "ScanningSequence": "T1TFE",
    "SeriesNumber": 3,
    "SliceThickness": 1,
    "SoftwareVersion": "V4.2\\PAR",
    "dataset": "ds003550",
    "modality": "T1w",
    "subject_id": "sc035"
  },
  "cjv": 0.28880624555119566,
  "cnr": 4.448557550755764,
  "efc": 0.7056446255530816,
  "fber": -1.0,
  "fwhm_avg": 4.641133333333333,
  "fwhm_x": 4.61991,
  "fwhm_y": 5.0204,
  "fwhm_z": 4.28309,
  "icvs_csf": 0.22917594893538315,
  "icvs_gm": 0.4402294655682906,
  "icvs_wm": 0.33059458549632625,
  "inu_med": 0.388314813375473,
  "inu_range": 0.1274781212210655,
  "provenance": {
    "md5sum": "335cca47e44fc2a6cfc0fe682531e284",
    "settings": {
      "testing": false
    },
    "software": "mriqc",
    "version": "22.0.6",
    "warnings": {
      "large_rot_frame": true,
      "small_air_mask": false
    },
    "webapi_port": null,
    "webapi_url": "https://mriqc.nimh.nih.gov/api/v1"
  },
  "qi_1": 0.001357984165318452,
  "qi_2": 1.635773930769684e-05,
  "rpve_csf": 23.643193458164582,
  "rpve_gm": 12.663874728657888,
  "rpve_wm": 19.305743612547015,
  "size_x": 160,
  "size_y": 256,
  "size_z": 256,
  "snr_csf": 2.6259421749060397,
  "snr_gm": 14.153310834132775,
  "snr_total": 18.076247195500127,
  "snr_wm": 37.44948857746157,
  "snrd_csf": 64.64091749448959,
  "snrd_gm": 158.12584136489681,
  "snrd_total": 145.5980446336198,
  "snrd_wm": 214.027375041473,
  "spacing_x": 1.0,
  "spacing_y": 1.0,
  "spacing_z": 1.0,
  "summary_bg_k": 22.311181213751848,
  "summary_bg_mad": 0.0,
  "summary_bg_mean": 1.263527920760124,
  "summary_bg_median": 0.0,
  "summary_bg_n": 248526.0,
  "summary_bg_p05": 0.0,
  "summary_bg_p95": 8.619604714214802,
  "summary_bg_stdv": 3.0609934224264994,
  "summary_csf_k": 0.13904069074143655,
  "summary_csf_mad": 104.62976318020766,
  "summary_csf_mean": 309.03202836620244,
  "summary_csf_median": 302.02172138541937,
  "summary_csf_n": 42793.0,
  "summary_csf_p05": 108.31340755969286,
  "summary_csf_p95": 509.1313184529543,
  "summary_csf_stdv": 115.01326852611324,
  "summary_gm_k": 0.2726956622436778,
  "summary_gm_mad": 49.81185159426231,
  "summary_gm_mean": 739.8943219410844,
  "summary_gm_median": 738.8112770617008,
  "summary_gm_n": 40276.0,
  "summary_gm_p05": 654.8749924693257,
  "summary_gm_p95": 827.0416348055005,
  "summary_gm_stdv": 52.19994910080524,
  "summary_wm_k": 0.4363028126592452,
  "summary_wm_mad": 25.621077224514444,
  "summary_wm_mean": 999.2239156927506,
  "summary_wm_median": 999.99998049438,
  "summary_wm_n": 166104.0,
  "summary_wm_p05": 954.028755351901,
  "summary_wm_p95": 1041.3992498517036,
  "summary_wm_stdv": 26.702553447670677,
  "tpm_overlap_csf": 0.1527005749568223,
  "tpm_overlap_gm": 0.48668912906810446,
  "tpm_overlap_wm": 0.5108065605408665,
  "wm2max": 0.9235864954384334
}