{
  "bids_meta": {
    "AcquisitionDateTime": "20110712143612",
    "CardiacTriggerDelayTimes": 0,
    "ConversionSoftware": "dicm2nii.m 20190112",
    "EchoTime": 0.00384,
    "EchoTimes": 0.00384,
    "FlipAngle": 8,
    "ImageType": [
      "PhilipsPAR",
      "ImageMRSERIES",
      "T1TFE"
    ],
    "MRAcquisitionType": "3D",
    "Manufacturer": "Philips",
    "PatientPosition": "HFS",
    "PhaseEncodingDirection": "j-",
    "RepetitionTime": 0.008267,
    "ScanningSequence": "T1TFE",
    "SeriesNumber": 3,
    "SliceThickness": 1,
    "SoftwareVersion": "V4.2\\PAR",
    "dataset": "ds003550",
    "modality": "T1w",
    "subject_id": "sc013"
  },
  "cjv": 0.4095793275860864,
  "cnr": 3.3003170217582385,
  "efc": 0.7711953629445765,
  "fber": -1.0,
  "fwhm_avg": 4.622086666666667,
  "fwhm_x": 4.53629,
  "fwhm_y": 4.95197,
  "fwhm_z": 4.378,
  "icvs_csf": 0.18775087288035425,
  "icvs_gm": 0.430519682933634,
  "icvs_wm": 0.38172944418601173,
  "inu_med": 0.3381533920764923,
  "inu_range": 0.1297742664813995,
  "provenance": {
    "md5sum": "9e8abd8f0405aa3e60fc580b69a0692e",
    "settings": {
      "testing": false
    },
    "software": "mriqc",
    "version": "22.0.6",
    "warnings": {
      "large_rot_frame": true,
      "small_air_mask": true
    },
    "webapi_port": null,
    "webapi_url": "https://mriqc.nimh.nih.gov/api/v1"
  },
  "qi_1": 4.3090712104796614e-05,
  "qi_2": 8.071281089313588e-06,
  "rpve_csf": 22.40051080837795,
  "rpve_gm": 10.484784036403637,
  "rpve_wm": 13.761398111918844,
  "size_x": 160,
  "size_y": 256,
  "size_z": 256,
  "snr_csf": 2.8710482192024895,
  "snr_gm": 15.48259931483447,
  "snr_total": 15.72406687463347,
  "snr_wm": 28.818553089863453,
  "snrd_csf": 84.89075229637304,
  "snrd_gm": 193.69843471049518,
  "snrd_total": 174.05420501638343,
  "snrd_wm": 243.5734280422821,
  "spacing_x": 1.0,
  "spacing_y": 1.0,
  "spacing_z": 1.0,
  "summary_bg_k": 34.75708478894053,
  "summary_bg_mad": 0.0,
  "summary_bg_mean": 0.7197900869980252,
  "summary_bg_median": 0.0,
  "summary_bg_n": 268908.0,
  "summary_bg_p05": 0.0,
  "summary_bg_p95": 4.8894371800124645,
  "summary_bg_stdv": 2.6898060278672804,
  "summary_csf_k": 1.4586653787519381,
  "summary_csf_mad": 83.69107532286685,
  "summary_csf_mean": 346.1014915596814,
  "summary_csf_median": 348.53758276440203,
  "summary_csf_n": 29340.0,
  "summary_csf_p05": 102.6110060802661,
  "summary_csf_p95": 548.1697789056226,
  "summary_csf_stdv": 121.39525931716908,
  "summary_gm_k": 0.024128118146862665,
  "summary_gm_mad": 50.49873116926008,
  "summary_gm_mean": 794.7688132610723,
  "summary_gm_median": 795.2713622273877,
  "summary_gm_n": 33802.0,
  "summary_gm_p05": 709.983720173873,
  "summary_gm_p95": 880.1207168940455,
  "summary_gm_stdv": 51.364734195841734,
  "summary_wm_k": 0.6392057225880889,
  "summary_wm_mad": 33.37193873584469,
  "summary_wm_mean": 1001.2388148532087,
  "summary_wm_median": 1000.044074755162,
  "summary_wm_n": 233964.0,
  "summary_wm_p05": 947.4275638405234,
  "summary_wm_p95": 1060.214986357838,
  "summary_wm_stdv": 34.70132363895536,
  "tpm_overlap_csf": 0.15170729079820644,
  "tpm_overlap_gm": 0.46059388296384585,
  "tpm_overlap_wm": 0.5098232892009268,
  "wm2max": 0.7551792735405214
}