{
  "bids_meta": {
    "AcquisitionDateTime": "20110713171243",
    "CardiacTriggerDelayTimes": 0,
    "ConversionSoftware": "dicm2nii.m 20190112",
    "EchoTime": 0.00373,
    "EchoTimes": 0.00373,
    "FlipAngle": 8,
    "ImageType": [
      "PhilipsPAR",
      "ImageMRSERIES",
      "T1TFE"
    ],
    "MRAcquisitionType": "3D",
    "Manufacturer": "Philips",
    "PatientPosition": "HFS",
    "PhaseEncodingDirection": "j-",
    "RepetitionTime": 0.008118,
    "ScanningSequence": "T1TFE",
    "SeriesNumber": 3,
    "SliceThickness": 1,
    "SoftwareVersion": "V4.2\\PAR",
    "dataset": "ds003550",
    "modality": "T1w",
    "subject_id": "sc014"
  },
  "cjv": 0.3377861733710673,
  "cnr": 3.9730692941780776,
  "efc": 0.7608652991525622,
  "fber": -1.0,
  "fwhm_avg": 4.66378,
  "fwhm_x": 4.49338,
  "fwhm_y": 5.05795,
  "fwhm_z": 4.44001,
  "icvs_csf": 0.17877645500502848,
  "icvs_gm": 0.4489909197510495,
  "icvs_wm": 0.3722326252439221,
  "inu_med": 0.3433317542076111,
  "inu_range": 0.12413371205329893,
  "provenance": {
    "md5sum": "d9359bf7301f96e6c612196ac7024e80",
    "settings": {
      "testing": false
    },
    "software": "mriqc",
    "version": "22.0.6",
    "warnings": {
      "large_rot_frame": true,
      "small_air_mask": true
    },
    "webapi_port": null,
    "webapi_url": "https://mriqc.nimh.nih.gov/api/v1"
  },
  "qi_1": 1.7472044728434506e-05,
  "qi_2": 5.428537961396582e-06,
  "rpve_csf": 24.265941202936357,
  "rpve_gm": 10.578371479378191,
  "rpve_wm": 14.54950426504093,
  "size_x": 160,
  "size_y": 256,
  "size_z": 256,
  "snr_csf": 3.1409297647891212,
  "snr_gm": 13.884905610422805,
  "snr_total": 16.44727955174592,
  "snr_wm": 32.316003280025825,
  "snrd_csf": 89.21448621013835,
  "snrd_gm": 206.61515941402047,
  "snrd_total": 190.1950861874806,
  "snrd_wm": 274.755612938283,
  "spacing_x": 1.0,
  "spacing_y": 1.0,
  "spacing_z": 1.0,
  "summary_bg_k": 39.073212094065454,
  "summary_bg_mad": 0.0,
  "summary_bg_mean": 0.6097669552658713,
  "summary_bg_median": 0.0,
  "summary_bg_n": 211310.0,
  "summary_bg_p05": 0.0,
  "summary_bg_p95": 4.7865375224500895,
  "summary_bg_stdv": 2.3844843246093155,
  "summary_csf_k": 4.920207780973042,
  "summary_csf_mad": 57.50417841968104,
  "summary_csf_mean": 328.5348946375963,
  "summary_csf_median": 324.7118369489908,
  "summary_csf_n": 31920.0,
  "summary_csf_p05": 146.27164989849553,
  "summary_csf_p95": 509.86283546313643,
  "summary_csf_stdv": 103.3791822443556,
  "summary_gm_k": -0.0583697700680883,
  "summary_gm_mad": 54.274142941209746,
  "summary_gm_mean": 754.3475196665177,
  "summary_gm_median": 752.0122662233189,
  "summary_gm_n": 54526.0,
  "summary_gm_p05": 668.9132526889443,
  "summary_gm_p95": 847.3244629427791,
  "summary_gm_stdv": 54.15991951158022,
  "summary_wm_k": 0.4640970969757423,
  "summary_wm_mad": 29.499929936383133,
  "summary_wm_mean": 999.0320127607537,
  "summary_wm_median": 1000.0214491970837,
  "summary_wm_n": 235631.0,
  "summary_wm_p05": 946.9831791613251,
  "summary_wm_p95": 1048.466360354796,
  "summary_wm_stdv": 30.945018742634492,
  "tpm_overlap_csf": 0.15747790083853597,
  "tpm_overlap_gm": 0.47915372318559735,
  "tpm_overlap_wm": 0.5213431738058587,
  "wm2max": 0.8977051580955318
}