{
  "bids_meta": {
    "AcquisitionDateTime": "20110719151803",
    "CardiacTriggerDelayTimes": 0,
    "ConversionSoftware": "dicm2nii.m 20190112",
    "EchoTime": 0.00387,
    "EchoTimes": 0.00387,
    "FlipAngle": 8,
    "ImageType": [
      "PhilipsPAR",
      "ImageMRSERIES",
      "T1TFE"
    ],
    "MRAcquisitionType": "3D",
    "Manufacturer": "Philips",
    "PatientPosition": "HFS",
    "PhaseEncodingDirection": "j-",
    "RepetitionTime": 0.008352,
    "ScanningSequence": "T1TFE",
    "SeriesNumber": 4,
    "SliceThickness": 1,
    "SoftwareVersion": "V4.2\\PAR",
    "dataset": "ds003550",
    "modality": "T1w",
    "subject_id": "sc023"
  },
  "cjv": 0.3319829876240765,
  "cnr": 4.117822793697974,
  "efc": 0.7439446417130522,
  "fber": -1.0,
  "fwhm_avg": 4.78511,
  "fwhm_x": 4.6166,
  "fwhm_y": 5.1818,
  "fwhm_z": 4.55693,
  "icvs_csf": 0.16058616510994103,
  "icvs_gm": 0.4681362327997626,
  "icvs_wm": 0.3712776020902964,
  "inu_med": 0.3430696129798889,
  "inu_range": 0.13358735442161562,
  "provenance": {
    "md5sum": "80b8f297cf9e86d6c48a7cdc78533fc0",
    "settings": {
      "testing": false
    },
    "software": "mriqc",
    "version": "22.0.6",
    "warnings": {
      "large_rot_frame": true,
      "small_air_mask": false
    },
    "webapi_port": null,
    "webapi_url": "https://mriqc.nimh.nih.gov/api/v1"
  },
  "qi_1": 0.00018954769628021586,
  "qi_2": 1.5228132867657834e-06,
  "rpve_csf": 28.89508252170128,
  "rpve_gm": 11.251066796759853,
  "rpve_wm": 15.590146054841354,
  "size_x": 160,
  "size_y": 256,
  "size_z": 256,
  "snr_csf": 2.7740117701880513,
  "snr_gm": 17.344240947239,
  "snr_total": 16.682977904261428,
  "snr_wm": 29.930680995357232,
  "snrd_csf": 76.77719690033838,
  "snrd_gm": 173.13917004072846,
  "snrd_total": 158.18473116964824,
  "snrd_wm": 224.63782656787794,
  "spacing_x": 1.0,
  "spacing_y": 1.0,
  "spacing_z": 1.0,
  "summary_bg_k": 39.729723206684646,
  "summary_bg_mad": 0.0,
  "summary_bg_mean": 0.8095419012208952,
  "summary_bg_median": 0.0,
  "summary_bg_n": 350246.0,
  "summary_bg_p05": 0.0,
  "summary_bg_p95": 5.399807503446937,
  "summary_bg_stdv": 2.91648357845274,
  "summary_csf_k": 0.7546663316123308,
  "summary_csf_mad": 82.98214678510469,
  "summary_csf_mean": 330.67237698939294,
  "summary_csf_median": 341.79055530950427,
  "summary_csf_n": 19056.0,
  "summary_csf_p05": 67.38663884438574,
  "summary_csf_p95": 528.1578841442242,
  "summary_csf_stdv": 123.20841274316062,
  "summary_gm_k": 0.10440754221925364,
  "summary_gm_mad": 43.8306581477271,
  "summary_gm_mean": 770.4496383150345,
  "summary_gm_median": 770.7670436426997,
  "summary_gm_n": 64894.0,
  "summary_gm_p05": 697.2569244627841,
  "summary_gm_p95": 843.2082968167961,
  "summary_gm_stdv": 44.43902199598257,
  "summary_wm_k": 0.5084950344247154,
  "summary_wm_mad": 32.27895841905173,
  "summary_wm_mean": 1001.0527597244522,
  "summary_wm_median": 1000.0246243141592,
  "summary_wm_n": 215196.0,
  "summary_wm_p05": 948.5908414274454,
  "summary_wm_p95": 1057.6965409833938,
  "summary_wm_stdv": 33.41127791065314,
  "tpm_overlap_csf": 0.13293597107542135,
  "tpm_overlap_gm": 0.4639610161090291,
  "tpm_overlap_wm": 0.5132208099889483,
  "wm2max": 0.8145792697971045
}