{
  "bids_meta": {
    "AcquisitionDateTime": "20111004132402",
    "CardiacTriggerDelayTimes": 0,
    "ConversionSoftware": "dicm2nii.m 20190112",
    "EchoTime": 0.0038,
    "EchoTimes": 0.0038,
    "FlipAngle": 8,
    "ImageType": [
      "PhilipsPAR",
      "ImageMRSERIES",
      "T1TFE"
    ],
    "MRAcquisitionType": "3D",
    "Manufacturer": "Philips",
    "PatientPosition": "HFS",
    "PhaseEncodingDirection": "j-",
    "RepetitionTime": 0.008243,
    "ScanningSequence": "T1TFE",
    "SeriesNumber": 3,
    "SliceThickness": 1,
    "SoftwareVersion": "V4.2\\PAR",
    "dataset": "ds003550",
    "modality": "T1w",
    "subject_id": "sc037"
  },
  "cjv": 0.3350539080215837,
  "cnr": 3.9997977353757106,
  "efc": 0.7663789511530528,
  "fber": -1.0,
  "fwhm_avg": 4.678156666666666,
  "fwhm_x": 4.63828,
  "fwhm_y": 4.93803,
  "fwhm_z": 4.45816,
  "icvs_csf": 0.19916366855403939,
  "icvs_gm": 0.4545252298222004,
  "icvs_wm": 0.3463111016237602,
  "inu_med": 0.39550331234931946,
  "inu_range": 0.15818642228841784,
  "provenance": {
    "md5sum": "8f8057cd590d4041cdd4a96f387b747d",
    "settings": {
      "testing": false
    },
    "software": "mriqc",
    "version": "22.0.6",
    "warnings": {
      "large_rot_frame": true,
      "small_air_mask": true
    },
    "webapi_port": null,
    "webapi_url": "https://mriqc.nimh.nih.gov/api/v1"
  },
  "qi_1": 0.00010876217976468983,
  "qi_2": 1.526224246570156e-05,
  "rpve_csf": 22.80413256453846,
  "rpve_gm": 10.749296173368762,
  "rpve_wm": 15.71029698455052,
  "size_x": 160,
  "size_y": 256,
  "size_z": 256,
  "snr_csf": 3.228857196175616,
  "snr_gm": 17.332608694440793,
  "snr_total": 17.088843009260735,
  "snr_wm": 30.705063137165798,
  "snrd_csf": 94.35415554649663,
  "snrd_gm": 209.20567589706866,
  "snrd_total": 190.82331160451827,
  "snrd_wm": 268.91010336998954,
  "spacing_x": 1.0,
  "spacing_y": 1.0,
  "spacing_z": 1.0,
  "summary_bg_k": 62.6476160413402,
  "summary_bg_mad": 0.0,
  "summary_bg_mean": 0.5985684189651068,
  "summary_bg_median": 0.0,
  "summary_bg_n": 259475.0,
  "summary_bg_p05": 0.0,
  "summary_bg_p95": 5.246020272374153,
  "summary_bg_stdv": 2.4363205670601387,
  "summary_csf_k": 2.046629087734364,
  "summary_csf_mad": 77.12387869476647,
  "summary_csf_mean": 355.4806494934547,
  "summary_csf_median": 350.8841361058876,
  "summary_csf_n": 36726.0,
  "summary_csf_p05": 156.45916280010715,
  "summary_csf_p95": 543.4153413176537,
  "summary_csf_stdv": 108.6698288903675,
  "summary_gm_k": 0.3109556195478844,
  "summary_gm_mad": 42.8447367841389,
  "summary_gm_mean": 777.088402465721,
  "summary_gm_median": 777.9938512556255,
  "summary_gm_n": 37987.0,
  "summary_gm_p05": 702.4918612148613,
  "summary_gm_p95": 850.2261234886943,
  "summary_gm_stdv": 44.885546350175794,
  "summary_wm_k": 0.5296852245251857,
  "summary_wm_mad": 31.54686800772669,
  "summary_wm_mean": 1001.2655070944836,
  "summary_wm_median": 1000.0226144213229,
  "summary_wm_n": 197001.0,
  "summary_wm_p05": 949.8462394885719,
  "summary_wm_p95": 1055.7841919716448,
  "summary_wm_stdv": 32.568572545681754,
  "tpm_overlap_csf": 0.15568916950173026,
  "tpm_overlap_gm": 0.4797822576859663,
  "tpm_overlap_wm": 0.514758103156273,
  "wm2max": 0.8420582355670688
}