{
  "bids_meta": {
    "AcquisitionDateTime": "20110923111930",
    "CardiacTriggerDelayTimes": 0,
    "ConversionSoftware": "dicm2nii.m 20190112",
    "EchoTime": 0.00377,
    "EchoTimes": 0.00377,
    "FlipAngle": 8,
    "ImageType": [
      "PhilipsPAR",
      "ImageMRSERIES",
      "T1TFE"
    ],
    "MRAcquisitionType": "3D",
    "Manufacturer": "Philips",
    "PatientPosition": "HFS",
    "PhaseEncodingDirection": "j-",
    "RepetitionTime": 0.008224,
    "ScanningSequence": "T1TFE",
    "SeriesNumber": 3,
    "SliceThickness": 1,
    "SoftwareVersion": "V4.2\\PAR",
    "dataset": "ds003550",
    "modality": "T1w",
    "subject_id": "sc028"
  },
  "cjv": 0.3220931539338993,
  "cnr": 4.20755686533819,
  "efc": 0.695919888008984,
  "fber": -1.0,
  "fwhm_avg": 4.392156666666666,
  "fwhm_x": 4.24777,
  "fwhm_y": 4.73732,
  "fwhm_z": 4.19138,
  "icvs_csf": 0.1927171122232229,
  "icvs_gm": 0.4588223502561051,
  "icvs_wm": 0.3484605375206719,
  "inu_med": 0.3574640154838562,
  "inu_range": 0.11822178959846497,
  "provenance": {
    "md5sum": "a4b2dd0a8197dc649120cab678e067f2",
    "settings": {
      "testing": false
    },
    "software": "mriqc",
    "version": "22.0.6",
    "warnings": {
      "large_rot_frame": true,
      "small_air_mask": false
    },
    "webapi_port": null,
    "webapi_url": "https://mriqc.nimh.nih.gov/api/v1"
  },
  "qi_1": 0.0033096779401538853,
  "qi_2": 7.179389108295449e-06,
  "rpve_csf": 26.38142358560813,
  "rpve_gm": 12.002527030993837,
  "rpve_wm": 17.740472373332697,
  "size_x": 160,
  "size_y": 256,
  "size_z": 256,
  "snr_csf": 2.9978167908137,
  "snr_gm": 14.874063595716478,
  "snr_total": 16.932922078428835,
  "snr_wm": 32.92688584875632,
  "snrd_csf": 54.94915326591225,
  "snrd_gm": 118.92643252093289,
  "snrd_total": 110.71724200290181,
  "snrd_wm": 158.2761402218603,
  "spacing_x": 1.0,
  "spacing_y": 1.0,
  "spacing_z": 1.0,
  "summary_bg_k": 18.902980235373395,
  "summary_bg_mad": 0.0,
  "summary_bg_mean": 1.9136311577220362,
  "summary_bg_median": 0.0,
  "summary_bg_n": 403898.0,
  "summary_bg_p05": 0.0,
  "summary_bg_p95": 9.796760335564613,
  "summary_bg_stdv": 4.139198798593498,
  "summary_csf_k": 1.7780226304508284,
  "summary_csf_mad": 84.69555613554803,
  "summary_csf_mean": 360.7898952557642,
  "summary_csf_median": 347.172694391571,
  "summary_csf_n": 30844.0,
  "summary_csf_p05": 151.05487263016403,
  "summary_csf_p95": 549.4779437333345,
  "summary_csf_stdv": 115.80663218955034,
  "summary_gm_k": 0.06486525205530302,
  "summary_gm_mad": 50.008282486953895,
  "summary_gm_mean": 751.0809209394473,
  "summary_gm_median": 751.3857367895544,
  "summary_gm_n": 41589.0,
  "summary_gm_p05": 666.7168059069663,
  "summary_gm_p95": 833.5839934647083,
  "summary_gm_stdv": 50.51589960153278,
  "summary_wm_k": 0.22045083858801373,
  "summary_wm_mad": 30.068674310627056,
  "summary_wm_mean": 1000.38751546264,
  "summary_wm_median": 1000.0000144280493,
  "summary_wm_n": 172870.0,
  "summary_wm_p05": 951.7037047035992,
  "summary_wm_p95": 1050.5306730009615,
  "summary_wm_stdv": 30.370230779499764,
  "tpm_overlap_csf": 0.14358288547496995,
  "tpm_overlap_gm": 0.4742120581199907,
  "tpm_overlap_wm": 0.5007898117535083,
  "wm2max": 0.8828405060410067
}