{
  "bids_meta": {
    "AcquisitionDateTime": "20110418181702",
    "CardiacTriggerDelayTimes": 0,
    "ConversionSoftware": "dicm2nii.m 20190112",
    "EchoTime": 0.00383,
    "EchoTimes": 0.00383,
    "FlipAngle": 8,
    "ImageType": [
      "PhilipsPAR",
      "ImageMRSERIES",
      "T1TFE"
    ],
    "MRAcquisitionType": "3D",
    "Manufacturer": "Philips",
    "PatientPosition": "HFS",
    "PhaseEncodingDirection": "j-",
    "RepetitionTime": 0.008236,
    "ScanningSequence": "T1TFE",
    "SeriesNumber": 3,
    "SliceThickness": 1,
    "SoftwareVersion": "V4.2\\PAR",
    "dataset": "ds003550",
    "modality": "T1w",
    "subject_id": "sc011"
  },
  "cjv": 0.3256873443196849,
  "cnr": 4.153956894960209,
  "efc": 0.7693638572598033,
  "fber": -1.0,
  "fwhm_avg": 4.87997,
  "fwhm_x": 4.73065,
  "fwhm_y": 5.23049,
  "fwhm_z": 4.67877,
  "icvs_csf": 0.1942586923392582,
  "icvs_gm": 0.4469269121442638,
  "icvs_wm": 0.358814395516478,
  "inu_med": 0.3662957549095154,
  "inu_range": 0.1591413304209709,
  "provenance": {
    "md5sum": "4cd10a6e4760599270c32f3364e5c301",
    "settings": {
      "testing": false
    },
    "software": "mriqc",
    "version": "22.0.6",
    "warnings": {
      "large_rot_frame": true,
      "small_air_mask": true
    },
    "webapi_port": null,
    "webapi_url": "https://mriqc.nimh.nih.gov/api/v1"
  },
  "qi_1": 5.898085617518222e-05,
  "qi_2": 1.0950013010541929e-05,
  "rpve_csf": 21.86408941927893,
  "rpve_gm": 10.220958723128636,
  "rpve_wm": 14.331165475240525,
  "size_x": 160,
  "size_y": 256,
  "size_z": 256,
  "snr_csf": 3.0764349302303775,
  "snr_gm": 17.177151437538686,
  "snr_total": 16.855435276085146,
  "snr_wm": 30.312719460486367,
  "snrd_csf": 78.48658989623576,
  "snrd_gm": 190.31338773355915,
  "snrd_total": 172.11759310016927,
  "snrd_wm": 247.55280167071288,
  "spacing_x": 1.0,
  "spacing_y": 1.0,
  "spacing_z": 1.0,
  "summary_bg_k": 577.7044334128407,
  "summary_bg_mad": 0.0,
  "summary_bg_mean": 0.6716567050537556,
  "summary_bg_median": 0.0,
  "summary_bg_n": 219746.0,
  "summary_bg_p05": 0.0,
  "summary_bg_p95": 4.907863944768906,
  "summary_bg_stdv": 2.646511295944693,
  "summary_csf_k": 1.8851292926221648,
  "summary_csf_mad": 78.65933928754542,
  "summary_csf_mean": 322.6156142877806,
  "summary_csf_median": 317.05709946900606,
  "summary_csf_n": 44972.0,
  "summary_csf_p05": 155.63268279116602,
  "summary_csf_p95": 499.4490015553307,
  "summary_csf_stdv": 103.0587617127473,
  "summary_gm_k": 0.2105188294357947,
  "summary_gm_mad": 43.47318087819159,
  "summary_gm_mean": 768.6587955275864,
  "summary_gm_median": 768.7964375149459,
  "summary_gm_n": 47246.0,
  "summary_gm_p05": 695.5761062093079,
  "summary_gm_p95": 842.6529734060168,
  "summary_gm_stdv": 44.756448947116326,
  "summary_wm_k": 0.42142789144667203,
  "summary_wm_mad": 31.834293630291402,
  "summary_wm_mean": 1000.9642369285568,
  "summary_wm_median": 1000.0227219313383,
  "summary_wm_n": 227909.0,
  "summary_wm_p05": 948.5219607405364,
  "summary_wm_p95": 1056.1450550034642,
  "summary_wm_stdv": 32.99012908837058,
  "tpm_overlap_csf": 0.16797755354092628,
  "tpm_overlap_gm": 0.4720664226202439,
  "tpm_overlap_wm": 0.5241106409831056,
  "wm2max": 0.829646176697686
}