{
  "bids_meta": {
    "AcquisitionDateTime": "20111006133354",
    "CardiacTriggerDelayTimes": 0,
    "ConversionSoftware": "dicm2nii.m 20190112",
    "EchoTime": 0.0038,
    "EchoTimes": 0.0038,
    "FlipAngle": 8,
    "ImageType": [
      "PhilipsPAR",
      "ImageMRSERIES",
      "T1TFE"
    ],
    "MRAcquisitionType": "3D",
    "Manufacturer": "Philips",
    "PatientPosition": "HFS",
    "PhaseEncodingDirection": "j-",
    "RepetitionTime": 0.008226,
    "ScanningSequence": "T1TFE",
    "SeriesNumber": 3,
    "SliceThickness": 1,
    "SoftwareVersion": "V4.2\\PAR",
    "dataset": "ds003550",
    "modality": "T1w",
    "subject_id": "sc038"
  },
  "cjv": 0.3402556789702292,
  "cnr": 3.9731670749479626,
  "efc": 0.7085359149767494,
  "fber": -1.0,
  "fwhm_avg": 4.642953333333334,
  "fwhm_x": 4.46667,
  "fwhm_y": 5.0428,
  "fwhm_z": 4.41939,
  "icvs_csf": 0.19333741868177987,
  "icvs_gm": 0.4487516206003481,
  "icvs_wm": 0.35791096071787204,
  "inu_med": 0.37957847118377686,
  "inu_range": 0.13516125679016106,
  "provenance": {
    "md5sum": "46a5d8566341bd2792c775402455897f",
    "settings": {
      "testing": false
    },
    "software": "mriqc",
    "version": "22.0.6",
    "warnings": {
      "large_rot_frame": true,
      "small_air_mask": false
    },
    "webapi_port": null,
    "webapi_url": "https://mriqc.nimh.nih.gov/api/v1"
  },
  "qi_1": 0.0009143005127346744,
  "qi_2": 3.525503177043326e-06,
  "rpve_csf": 25.134464345606208,
  "rpve_gm": 11.593232465505176,
  "rpve_wm": 16.29760450533411,
  "size_x": 160,
  "size_y": 256,
  "size_z": 256,
  "snr_csf": 2.4425276865255463,
  "snr_gm": 15.667192831603524,
  "snr_total": 16.141804367798056,
  "snr_wm": 30.3156925852651,
  "snrd_csf": 32.84397462252668,
  "snrd_gm": 78.84512568180092,
  "snrd_total": 71.60264323955455,
  "snrd_wm": 103.11882941433608,
  "spacing_x": 1.0,
  "spacing_y": 1.0,
  "spacing_z": 1.0,
  "summary_bg_k": 19.618010686518083,
  "summary_bg_mad": 0.0,
  "summary_bg_mean": 2.9108138874344403,
  "summary_bg_median": 0.0,
  "summary_bg_n": 362550.0,
  "summary_bg_p05": 0.0,
  "summary_bg_p95": 14.798126723617315,
  "summary_bg_stdv": 6.353358154066175,
  "summary_csf_k": 3.474409981769216,
  "summary_csf_mad": 105.83466443111014,
  "summary_csf_mean": 316.9029521972992,
  "summary_csf_median": 318.5131126586348,
  "summary_csf_n": 30923.0,
  "summary_csf_p05": 82.48520009256902,
  "summary_csf_p95": 527.8204674482344,
  "summary_csf_stdv": 130.40096301615154,
  "summary_gm_k": 0.06440442737739982,
  "summary_gm_mad": 48.36565574404384,
  "summary_gm_mean": 764.5333429991082,
  "summary_gm_median": 764.6214164849371,
  "summary_gm_n": 49900.0,
  "summary_gm_p05": 683.9384957067668,
  "summary_gm_p95": 845.1066607941873,
  "summary_gm_stdv": 48.80349422692689,
  "summary_wm_k": 0.3572350364547332,
  "summary_wm_mad": 31.730751804995585,
  "summary_wm_mean": 1000.5248063905995,
  "summary_wm_median": 1000.0220651719719,
  "summary_wm_n": 195861.0,
  "summary_wm_p05": 947.8752335384488,
  "summary_wm_p95": 1056.3874672595412,
  "summary_wm_stdv": 32.98686017048506,
  "tpm_overlap_csf": 0.13483340223076629,
  "tpm_overlap_gm": 0.466744032912202,
  "tpm_overlap_wm": 0.49661845474274313,
  "wm2max": 0.8905958024351384
}